REDIRECTS: ON
RESTRICTION: || (== net45) (== net452) (== netcoreapp2.1) (== netstandard2.0)
NUGET
  remote: https://api.nuget.org/v3/index.json
    Autofac (4.8.1)
      NETStandard.Library (>= 1.6) - restriction: || (&& (== net452) (< net45)) (== netcoreapp2.1) (== netstandard2.0)
      System.ComponentModel (>= 4.0.1) - restriction: || (&& (== net452) (< net45)) (== netcoreapp2.1) (== netstandard2.0)
    Chessie (0.6) - restriction: || (&& (== net45) (>= netcoreapp2.0)) (&& (== net452) (>= netcoreapp2.0)) (== netcoreapp2.1) (&& (== netstandard2.0) (>= netcoreapp2.0))
      FSharp.Core (>= 4.0.1.7-alpha) - restriction: || (&& (== net45) (>= netstandard1.6)) (&& (== net452) (>= netstandard1.6)) (== netcoreapp2.1) (== netstandard2.0)
      NETStandard.Library (>= 1.6) - restriction: || (&& (== net45) (>= netstandard1.6)) (&& (== net452) (>= netstandard1.6)) (== netcoreapp2.1) (== netstandard2.0)
    dotnet-fake (5.9.3) - clitool: true
      Fake.Core.CommandLineParsing (>= 5.9.3) - restriction: || (&& (== net45) (>= netcoreapp2.0)) (&& (== net452) (>= netcoreapp2.0)) (== netcoreapp2.1) (&& (== netstandard2.0) (>= netcoreapp2.0))
      Fake.Runtime (>= 5.9.3) - restriction: || (&& (== net45) (>= netcoreapp2.0)) (&& (== net452) (>= netcoreapp2.0)) (== netcoreapp2.1) (&& (== netstandard2.0) (>= netcoreapp2.0))
      FSharp.Core (>= 4.5.2) - restriction: || (&& (== net45) (>= netcoreapp2.0)) (&& (== net452) (>= netcoreapp2.0)) (== netcoreapp2.1) (&& (== netstandard2.0) (>= netcoreapp2.0))
      Microsoft.NETCore.App (>= 2.0) - restriction: || (&& (== net45) (>= netcoreapp2.0)) (&& (== net452) (>= netcoreapp2.0)) (== netcoreapp2.1) (&& (== netstandard2.0) (>= netcoreapp2.0))
      Mono.Cecil (>= 0.10.1) - restriction: || (&& (== net45) (>= netcoreapp2.0)) (&& (== net452) (>= netcoreapp2.0)) (== netcoreapp2.1) (&& (== netstandard2.0) (>= netcoreapp2.0))
      Paket.Core (>= 5.181.1) - restriction: || (&& (== net45) (>= netcoreapp2.0)) (&& (== net452) (>= netcoreapp2.0)) (== netcoreapp2.1) (&& (== netstandard2.0) (>= netcoreapp2.0))
    Fake.Core.CommandLineParsing (5.9.3) - restriction: || (&& (== net45) (>= netcoreapp2.0)) (&& (== net452) (>= netcoreapp2.0)) (== netcoreapp2.1) (&& (== netstandard2.0) (>= netcoreapp2.0))
      FParsec (>= 1.0.3) - restriction: || (&& (== net45) (>= net46)) (&& (== net45) (>= netstandard1.6)) (&& (== net452) (>= net46)) (&& (== net452) (>= netstandard1.6)) (== netcoreapp2.1) (== netstandard2.0)
      FSharp.Core (>= 4.3.4) - restriction: || (&& (== net45) (>= net46)) (&& (== net45) (>= netstandard1.6)) (&& (== net452) (>= net46)) (&& (== net452) (>= netstandard1.6)) (== netcoreapp2.1) (== netstandard2.0)
    Fake.Core.Context (5.9.3) - restriction: || (&& (== net45) (>= netcoreapp2.0)) (&& (== net452) (>= netcoreapp2.0)) (== netcoreapp2.1) (&& (== netstandard2.0) (>= netcoreapp2.0))
      FSharp.Core (>= 4.3.4) - restriction: || (&& (== net45) (>= net46)) (&& (== net45) (>= netstandard1.6)) (&& (== net452) (>= net46)) (&& (== net452) (>= netstandard1.6)) (== netcoreapp2.1) (== netstandard2.0)
    Fake.Runtime (5.9.3) - restriction: || (&& (== net45) (>= netcoreapp2.0)) (&& (== net452) (>= netcoreapp2.0)) (== netcoreapp2.1) (&& (== netstandard2.0) (>= netcoreapp2.0))
      Fake.Core.Context (>= 5.9.3) - restriction: || (&& (== net45) (>= netstandard2.0)) (&& (== net452) (>= netstandard2.0)) (== netcoreapp2.1) (== netstandard2.0)
      FSharp.Compiler.Service (>= 25.0.1) - restriction: || (&& (== net45) (>= netstandard2.0)) (&& (== net452) (>= netstandard2.0)) (== netcoreapp2.1) (== netstandard2.0)
      FSharp.Core (>= 4.3.4) - restriction: || (&& (== net45) (>= netstandard2.0)) (&& (== net452) (>= netstandard2.0)) (== netcoreapp2.1) (== netstandard2.0)
      Microsoft.DotNet.PlatformAbstractions (>= 2.1) - restriction: || (&& (== net45) (>= netstandard2.0)) (&& (== net452) (>= netstandard2.0)) (== netcoreapp2.1) (== netstandard2.0)
      Mono.Cecil (>= 0.10.1) - restriction: || (&& (== net45) (>= netstandard2.0)) (&& (== net452) (>= netstandard2.0)) (== netcoreapp2.1) (== netstandard2.0)
      Paket.Core (>= 5.181.1) - restriction: || (&& (== net45) (>= netstandard2.0)) (&& (== net452) (>= netstandard2.0)) (== netcoreapp2.1) (== netstandard2.0)
      System.Runtime.Loader (>= 4.3) - restriction: || (&& (== net45) (>= netstandard2.0)) (&& (== net452) (>= netstandard2.0)) (== netcoreapp2.1) (== netstandard2.0)
    FParsec (1.0.3) - restriction: || (&& (== net45) (>= netcoreapp2.0)) (&& (== net452) (>= netcoreapp2.0)) (== netcoreapp2.1) (&& (== netstandard2.0) (>= netcoreapp2.0))
      FSharp.Core (>= 4.2.3) - restriction: || (&& (== net45) (< net40) (>= netstandard1.6)) (&& (== net452) (< net40) (>= netstandard1.6)) (== netcoreapp2.1) (== netstandard2.0)
      NETStandard.Library (>= 1.6.1) - restriction: || (&& (== net45) (< net40) (>= netstandard1.6)) (&& (== net452) (< net40) (>= netstandard1.6)) (== netcoreapp2.1) (== netstandard2.0)
    FSharp.Compiler.Service (25.0.1) - restriction: || (&& (== net45) (>= netcoreapp2.0)) (&& (== net452) (>= netcoreapp2.0)) (== netcoreapp2.1) (&& (== netstandard2.0) (>= netcoreapp2.0))
      FSharp.Core (>= 4.1.18)
      System.Collections.Immutable (>= 1.5)
      System.Diagnostics.Process (>= 4.1) - restriction: || (&& (== net452) (< net45) (>= netstandard2.0)) (== netcoreapp2.1) (== netstandard2.0)
      System.Diagnostics.TraceSource (>= 4.0) - restriction: || (&& (== net452) (< net45) (>= netstandard2.0)) (== netcoreapp2.1) (== netstandard2.0)
      System.Reflection.Emit (>= 4.3) - restriction: || (&& (== net452) (< net45) (>= netstandard2.0)) (== netcoreapp2.1) (== netstandard2.0)
      System.Reflection.Metadata (>= 1.6)
      System.Reflection.TypeExtensions (>= 4.3) - restriction: || (&& (== net452) (< net45) (>= netstandard2.0)) (== netcoreapp2.1) (== netstandard2.0)
      System.Runtime.Loader (>= 4.0) - restriction: || (&& (== net452) (< net45) (>= netstandard2.0)) (== netcoreapp2.1) (== netstandard2.0)
      System.Security.Cryptography.Algorithms (>= 4.3) - restriction: || (&& (== net452) (< net45) (>= netstandard2.0)) (== netcoreapp2.1) (== netstandard2.0)
    FSharp.Core (4.5.2)
    Microsoft.CodeCoverage (15.9) - restriction: || (== net45) (== net452) (== netcoreapp2.1) (&& (== netstandard2.0) (>= net45)) (&& (== netstandard2.0) (>= netcoreapp1.0))
    Microsoft.DotNet.InternalAbstractions (1.0) - restriction: || (&& (== net45) (>= netcoreapp1.0)) (&& (== net452) (>= netcoreapp1.0)) (== netcoreapp2.1) (&& (== netstandard2.0) (>= netcoreapp1.0))
      System.AppContext (>= 4.1) - restriction: || (&& (== net45) (>= netstandard1.3)) (&& (== net452) (< net451) (>= netstandard1.3)) (== netcoreapp2.1) (== netstandard2.0)
      System.Collections (>= 4.0.11) - restriction: || (&& (== net45) (>= netstandard1.3)) (&& (== net452) (< net451) (>= netstandard1.3)) (== netcoreapp2.1) (== netstandard2.0)
      System.IO (>= 4.1) - restriction: || (&& (== net45) (>= netstandard1.3)) (&& (== net452) (< net451) (>= netstandard1.3)) (== netcoreapp2.1) (== netstandard2.0)
      System.IO.FileSystem (>= 4.0.1) - restriction: || (&& (== net45) (>= netstandard1.3)) (&& (== net452) (< net451) (>= netstandard1.3)) (== netcoreapp2.1) (== netstandard2.0)
      System.Reflection.TypeExtensions (>= 4.1) - restriction: || (&& (== net45) (>= netstandard1.3)) (&& (== net452) (< net451) (>= netstandard1.3)) (== netcoreapp2.1) (== netstandard2.0)
      System.Runtime.Extensions (>= 4.1) - restriction: || (&& (== net45) (>= netstandard1.3)) (&& (== net452) (< net451) (>= netstandard1.3)) (== netcoreapp2.1) (== netstandard2.0)
      System.Runtime.InteropServices (>= 4.1) - restriction: || (&& (== net45) (>= netstandard1.3)) (&& (== net452) (< net451) (>= netstandard1.3)) (== netcoreapp2.1) (== netstandard2.0)
      System.Runtime.InteropServices.RuntimeInformation (>= 4.0) - restriction: || (&& (== net45) (>= netstandard1.3)) (&& (== net452) (< net451) (>= netstandard1.3)) (== netcoreapp2.1) (== netstandard2.0)
    Microsoft.DotNet.PlatformAbstractions (2.1) - restriction: || (&& (== net45) (>= netcoreapp2.0)) (&& (== net452) (>= netcoreapp2.0)) (== netcoreapp2.1) (&& (== netstandard2.0) (>= netcoreapp2.0))
      System.AppContext (>= 4.1) - restriction: || (&& (== net452) (< net45) (>= netstandard1.3)) (== netcoreapp2.1) (== netstandard2.0)
      System.Collections (>= 4.0.11) - restriction: || (&& (== net452) (< net45) (>= netstandard1.3)) (== netcoreapp2.1) (== netstandard2.0)
      System.IO (>= 4.1) - restriction: || (&& (== net452) (< net45) (>= netstandard1.3)) (== netcoreapp2.1) (== netstandard2.0)
      System.IO.FileSystem (>= 4.0.1) - restriction: || (&& (== net452) (< net45) (>= netstandard1.3)) (== netcoreapp2.1) (== netstandard2.0)
      System.Reflection.TypeExtensions (>= 4.1) - restriction: || (&& (== net452) (< net45) (>= netstandard1.3)) (== netcoreapp2.1) (== netstandard2.0)
      System.Runtime.Extensions (>= 4.1) - restriction: || (&& (== net452) (< net45) (>= netstandard1.3)) (== netcoreapp2.1) (== netstandard2.0)
      System.Runtime.InteropServices (>= 4.1) - restriction: || (&& (== net452) (< net45) (>= netstandard1.3)) (== netcoreapp2.1) (== netstandard2.0)
      System.Runtime.InteropServices.RuntimeInformation (>= 4.0)
    Microsoft.Extensions.DependencyModel (2.1) - restriction: || (&& (== net45) (>= netcoreapp1.0)) (&& (== net452) (>= netcoreapp1.0)) (== netcoreapp2.1) (&& (== netstandard2.0) (>= netcoreapp1.0))
      Microsoft.DotNet.PlatformAbstractions (>= 2.1) - restriction: || (&& (== net45) (>= net451)) (&& (== net45) (>= netstandard1.3)) (== net452) (== netcoreapp2.1) (== netstandard2.0)
      Newtonsoft.Json (>= 9.0.1) - restriction: || (&& (== net45) (>= net451)) (&& (== net45) (>= netstandard1.3)) (== net452) (== netcoreapp2.1) (== netstandard2.0)
      System.Diagnostics.Debug (>= 4.0.11) - restriction: || (&& (== net45) (>= netstandard1.3)) (&& (== net45) (>= netstandard1.6)) (&& (== net452) (< net451) (>= netstandard1.3)) (&& (== net452) (< net451) (>= netstandard1.6)) (== netcoreapp2.1) (== netstandard2.0)
      System.Dynamic.Runtime (>= 4.0.11) - restriction: || (&& (== net45) (>= netstandard1.3)) (&& (== net45) (>= netstandard1.6)) (&& (== net452) (< net451) (>= netstandard1.3)) (&& (== net452) (< net451) (>= netstandard1.6)) (== netcoreapp2.1) (== netstandard2.0)
      System.Linq (>= 4.1) - restriction: || (&& (== net45) (>= netstandard1.3)) (&& (== net45) (>= netstandard1.6)) (&& (== net452) (< net451) (>= netstandard1.3)) (&& (== net452) (< net451) (>= netstandard1.6)) (== netcoreapp2.1) (== netstandard2.0)
    Microsoft.NET.Test.Sdk (15.9)
      Microsoft.CodeCoverage (>= 15.9) - restriction: || (== net45) (== net452) (== netcoreapp2.1) (&& (== netstandard2.0) (>= net45)) (&& (== netstandard2.0) (>= netcoreapp1.0))
      Microsoft.TestPlatform.TestHost (>= 15.9) - restriction: || (&& (== net45) (>= netcoreapp1.0)) (&& (== net452) (>= netcoreapp1.0)) (== netcoreapp2.1) (&& (== netstandard2.0) (>= netcoreapp1.0))
    Microsoft.NETCore.App (2.1.5) - restriction: || (&& (== net45) (>= netcoreapp2.0)) (&& (== net452) (>= netcoreapp2.0)) (== netcoreapp2.1) (&& (== netstandard2.0) (>= netcoreapp2.0))
      Microsoft.NETCore.DotNetHostPolicy (>= 2.1.5) - restriction: || (&& (== net45) (>= netcoreapp2.1)) (&& (== net452) (>= netcoreapp2.1)) (== netcoreapp2.1) (&& (== netstandard2.0) (>= netcoreapp2.1))
      Microsoft.NETCore.Platforms (>= 2.1.1) - restriction: || (&& (== net45) (>= netcoreapp2.1)) (&& (== net452) (>= netcoreapp2.1)) (== netcoreapp2.1) (&& (== netstandard2.0) (>= netcoreapp2.1))
      Microsoft.NETCore.Targets (>= 2.0) - restriction: || (&& (== net45) (>= netcoreapp2.1)) (&& (== net452) (>= netcoreapp2.1)) (== netcoreapp2.1) (&& (== netstandard2.0) (>= netcoreapp2.1))
      NETStandard.Library (>= 2.0.3) - restriction: || (&& (== net45) (>= netcoreapp2.1)) (&& (== net452) (>= netcoreapp2.1)) (== netcoreapp2.1) (&& (== netstandard2.0) (>= netcoreapp2.1))
    Microsoft.NETCore.DotNetAppHost (2.1.5) - restriction: || (&& (== net45) (>= netcoreapp2.1)) (&& (== net452) (>= netcoreapp2.1)) (== netcoreapp2.1) (&& (== netstandard2.0) (>= netcoreapp2.1))
    Microsoft.NETCore.DotNetHostPolicy (2.1.5) - restriction: || (&& (== net45) (>= netcoreapp2.1)) (&& (== net452) (>= netcoreapp2.1)) (== netcoreapp2.1) (&& (== netstandard2.0) (>= netcoreapp2.1))
      Microsoft.NETCore.DotNetHostResolver (>= 2.1.5)
    Microsoft.NETCore.DotNetHostResolver (2.1.5) - restriction: || (&& (== net45) (>= netcoreapp2.1)) (&& (== net452) (>= netcoreapp2.1)) (== netcoreapp2.1) (&& (== netstandard2.0) (>= netcoreapp2.1))
      Microsoft.NETCore.DotNetAppHost (>= 2.1.5)
    Microsoft.NETCore.Platforms (2.1.1) - restriction: || (&& (== net45) (< net20) (>= netstandard2.0)) (&& (== net45) (>= netcoreapp2.0)) (&& (== net45) (>= netcoreapp2.1)) (&& (== net45) (< netstandard1.0) (>= netstandard2.0) (>= win8)) (&& (== net45) (>= netstandard2.0) (>= uap10.0)) (&& (== net45) (>= netstandard2.0) (>= uap10.1)) (&& (== net45) (>= netstandard2.0) (>= wp8)) (&& (== net45) (>= netstandard2.0) (>= wpa81)) (&& (== net452) (< net20) (>= netstandard2.0)) (&& (== net452) (>= netcoreapp2.0)) (&& (== net452) (>= netcoreapp2.1)) (&& (== net452) (< netstandard1.0) (>= netstandard2.0) (>= win8)) (&& (== net452) (>= netstandard2.0) (>= uap10.0)) (&& (== net452) (>= netstandard2.0) (>= uap10.1)) (&& (== net452) (>= netstandard2.0) (>= wp8)) (&& (== net452) (>= netstandard2.0) (>= wpa81)) (== netcoreapp2.1) (== netstandard2.0)
    Microsoft.NETCore.Targets (2.1) - restriction: || (&& (== net45) (>= netcoreapp2.1)) (&& (== net452) (>= dnxcore50)) (&& (== net452) (< net45)) (&& (== net452) (>= netcoreapp2.1)) (== netcoreapp2.1) (== netstandard2.0)
    Microsoft.TestPlatform.ObjectModel (15.9) - restriction: || (&& (== net45) (>= netcoreapp1.0)) (&& (== net452) (>= netcoreapp1.0)) (== netcoreapp2.1) (&& (== netstandard2.0) (>= netcoreapp1.0))
      NETStandard.Library (>= 1.6) - restriction: || (&& (== net45) (>= netstandard1.5)) (&& (== net452) (< net451) (>= netstandard1.5)) (== netcoreapp2.1) (== netstandard2.0)
      System.ComponentModel.EventBasedAsync (>= 4.0.11) - restriction: || (&& (== net45) (>= netstandard1.5)) (&& (== net452) (< net451) (>= netstandard1.5)) (== netcoreapp2.1) (== netstandard2.0)
      System.ComponentModel.TypeConverter (>= 4.1) - restriction: || (&& (== net45) (>= netstandard1.4)) (&& (== net45) (>= netstandard1.5)) (&& (== net452) (< net451) (>= netstandard1.4)) (&& (== net452) (< net451) (>= netstandard1.5)) (== netcoreapp2.1) (== netstandard2.0)
      System.Diagnostics.Process (>= 4.1) - restriction: || (&& (== net45) (>= netstandard1.5)) (&& (== net452) (< net451) (>= netstandard1.5)) (== netcoreapp2.1) (== netstandard2.0)
      System.Diagnostics.TextWriterTraceListener (>= 4.0) - restriction: || (&& (== net45) (>= netstandard1.5)) (&& (== net452) (< net451) (>= netstandard1.5)) (== netcoreapp2.1) (== netstandard2.0)
      System.Diagnostics.TraceSource (>= 4.0) - restriction: || (&& (== net45) (>= netstandard1.5)) (&& (== net452) (< net451) (>= netstandard1.5)) (== netcoreapp2.1) (== netstandard2.0)
      System.Reflection.Metadata (>= 1.3) - restriction: || (&& (== net45) (>= net451)) (&& (== net45) (>= netstandard1.5)) (== net452) (== netcoreapp2.1) (== netstandard2.0)
      System.Reflection.TypeExtensions (>= 4.1) - restriction: || (&& (== net45) (>= netstandard1.5)) (&& (== net452) (< net451) (>= netstandard1.5)) (== netcoreapp2.1) (== netstandard2.0)
      System.Runtime.InteropServices.RuntimeInformation (>= 4.0) - restriction: || (&& (== net45) (>= netstandard1.4)) (&& (== net45) (>= netstandard1.5)) (&& (== net452) (< net451) (>= netstandard1.4)) (&& (== net452) (< net451) (>= netstandard1.5)) (== netcoreapp2.1) (== netstandard2.0)
      System.Runtime.Loader (>= 4.0) - restriction: || (&& (== net45) (>= netstandard1.5)) (&& (== net452) (< net451) (>= netstandard1.5)) (== netcoreapp2.1) (== netstandard2.0)
      System.Runtime.Serialization.Json (>= 4.0.2) - restriction: || (&& (== net45) (>= netstandard1.5)) (&& (== net452) (< net451) (>= netstandard1.5)) (== netcoreapp2.1) (== netstandard2.0)
      System.Runtime.Serialization.Primitives (>= 4.1.1) - restriction: || (&& (== net45) (>= netstandard1.5)) (&& (== net452) (< net451) (>= netstandard1.5)) (== netcoreapp2.1) (== netstandard2.0)
      System.Threading.Thread (>= 4.0) - restriction: || (&& (== net45) (>= netstandard1.5)) (&& (== net452) (< net451) (>= netstandard1.5)) (== netcoreapp2.1) (== netstandard2.0)
      System.Xml.XPath.XmlDocument (>= 4.0.1) - restriction: || (&& (== net45) (>= netstandard1.5)) (&& (== net452) (< net451) (>= netstandard1.5)) (== netcoreapp2.1) (== netstandard2.0)
    Microsoft.TestPlatform.TestHost (15.9) - restriction: || (&& (== net45) (>= netcoreapp1.0)) (&& (== net452) (>= netcoreapp1.0)) (== netcoreapp2.1) (&& (== netstandard2.0) (>= netcoreapp1.0))
      Microsoft.Extensions.DependencyModel (>= 1.0.3) - restriction: || (&& (== net45) (>= netcoreapp1.0)) (&& (== net452) (>= netcoreapp1.0)) (== netcoreapp2.1) (&& (== netstandard2.0) (>= netcoreapp1.0))
      Microsoft.TestPlatform.ObjectModel (>= 15.9) - restriction: || (&& (== net45) (>= netcoreapp1.0)) (&& (== net45) (>= uap10.0)) (&& (== net452) (>= netcoreapp1.0)) (&& (== net452) (>= uap10.0)) (== netcoreapp2.1) (&& (== netstandard2.0) (>= netcoreapp1.0)) (&& (== netstandard2.0) (>= uap10.0))
      Newtonsoft.Json (>= 9.0.1) - restriction: || (&& (== net45) (>= netcoreapp1.0)) (&& (== net45) (>= uap10.0)) (&& (== net452) (>= netcoreapp1.0)) (&& (== net452) (>= uap10.0)) (== netcoreapp2.1) (&& (== netstandard2.0) (>= netcoreapp1.0)) (&& (== netstandard2.0) (>= uap10.0))
    Microsoft.Win32.Primitives (4.3) - restriction: || (&& (== net45) (>= netcoreapp1.0)) (&& (== net452) (>= netcoreapp1.0)) (== netcoreapp2.1) (&& (== netstandard2.0) (>= netcoreapp1.0))
      Microsoft.NETCore.Platforms (>= 1.1) - restriction: || (&& (== net45) (>= netstandard1.3)) (&& (== net452) (>= netstandard1.3)) (== netcoreapp2.1) (== netstandard2.0)
      Microsoft.NETCore.Targets (>= 1.1) - restriction: || (&& (== net45) (>= netstandard1.3)) (&& (== net452) (>= netstandard1.3)) (== netcoreapp2.1) (== netstandard2.0)
      System.Runtime (>= 4.3) - restriction: || (&& (== net45) (>= netstandard1.3)) (&& (== net452) (>= netstandard1.3)) (== netcoreapp2.1) (== netstandard2.0)
    Microsoft.Win32.Registry (4.5) - restriction: || (&& (== net45) (>= netcoreapp1.0)) (&& (== net452) (>= netcoreapp1.0)) (== netcoreapp2.1) (&& (== netstandard2.0) (>= netcoreapp1.0))
      System.Security.AccessControl (>= 4.5) - restriction: || (&& (== net45) (>= monoandroid)) (&& (== net45) (>= monotouch)) (&& (== net45) (>= net461)) (&& (== net45) (>= netcoreapp2.0)) (&& (== net45) (>= netstandard2.0)) (&& (== net45) (>= xamarinios)) (&& (== net45) (>= xamarinmac)) (&& (== net45) (>= xamarintvos)) (&& (== net45) (>= xamarinwatchos)) (&& (== net452) (>= monoandroid)) (&& (== net452) (>= monotouch)) (&& (== net452) (>= net461)) (&& (== net452) (>= netcoreapp2.0)) (&& (== net452) (>= netstandard2.0)) (&& (== net452) (>= xamarinios)) (&& (== net452) (>= xamarinmac)) (&& (== net452) (>= xamarintvos)) (&& (== net452) (>= xamarinwatchos)) (== netcoreapp2.1) (== netstandard2.0)
      System.Security.Principal.Windows (>= 4.5) - restriction: || (&& (== net45) (>= monoandroid)) (&& (== net45) (>= monotouch)) (&& (== net45) (>= net461)) (&& (== net45) (>= netcoreapp2.0)) (&& (== net45) (>= netstandard2.0)) (&& (== net45) (>= xamarinios)) (&& (== net45) (>= xamarinmac)) (&& (== net45) (>= xamarintvos)) (&& (== net45) (>= xamarinwatchos)) (&& (== net452) (>= monoandroid)) (&& (== net452) (>= monotouch)) (&& (== net452) (>= net461)) (&& (== net452) (>= netcoreapp2.0)) (&& (== net452) (>= netstandard2.0)) (&& (== net452) (>= xamarinios)) (&& (== net452) (>= xamarinmac)) (&& (== net452) (>= xamarintvos)) (&& (== net452) (>= xamarinwatchos)) (== netcoreapp2.1) (== netstandard2.0)
    Mono.Cecil (0.10.1) - restriction: || (&& (== net45) (>= netcoreapp2.0)) (&& (== net452) (>= netcoreapp2.0)) (== netcoreapp2.1) (&& (== netstandard2.0) (>= netcoreapp2.0))
      System.Collections (>= 4.0.11) - restriction: || (&& (== net45) (< net35) (>= netstandard1.3)) (&& (== net452) (< net35) (>= netstandard1.3)) (== netcoreapp2.1) (== netstandard2.0)
      System.IO.FileSystem (>= 4.0.1) - restriction: || (&& (== net45) (< net35) (>= netstandard1.3)) (&& (== net452) (< net35) (>= netstandard1.3)) (== netcoreapp2.1) (== netstandard2.0)
      System.IO.FileSystem.Primitives (>= 4.0.1) - restriction: || (&& (== net45) (< net35) (>= netstandard1.3)) (&& (== net452) (< net35) (>= netstandard1.3)) (== netcoreapp2.1) (== netstandard2.0)
      System.Reflection (>= 4.1) - restriction: || (&& (== net45) (< net35) (>= netstandard1.3)) (&& (== net452) (< net35) (>= netstandard1.3)) (== netcoreapp2.1) (== netstandard2.0)
      System.Runtime.Extensions (>= 4.1) - restriction: || (&& (== net45) (< net35) (>= netstandard1.3)) (&& (== net452) (< net35) (>= netstandard1.3)) (== netcoreapp2.1) (== netstandard2.0)
      System.Security.Cryptography.Algorithms (>= 4.2) - restriction: || (&& (== net45) (< net35) (>= netstandard1.3)) (&& (== net452) (< net35) (>= netstandard1.3)) (== netcoreapp2.1) (== netstandard2.0)
      System.Security.Cryptography.Csp (>= 4.0) - restriction: || (&& (== net45) (< net35) (>= netstandard1.3)) (&& (== net452) (< net35) (>= netstandard1.3)) (== netcoreapp2.1) (== netstandard2.0)
      System.Threading (>= 4.0.11) - restriction: || (&& (== net45) (< net35) (>= netstandard1.3)) (&& (== net452) (< net35) (>= netstandard1.3)) (== netcoreapp2.1) (== netstandard2.0)
    MSTest.TestAdapter (1.3.2)
      NETStandard.Library (>= 1.6.1) - restriction: || (&& (== net45) (>= netcoreapp1.0)) (&& (== net452) (>= netcoreapp1.0)) (== netcoreapp2.1) (&& (== netstandard2.0) (>= netcoreapp1.0))
      System.Diagnostics.TextWriterTraceListener (>= 4.3) - restriction: || (&& (== net45) (>= netcoreapp1.0)) (&& (== net452) (>= netcoreapp1.0)) (== netcoreapp2.1) (&& (== netstandard2.0) (>= netcoreapp1.0))
    MSTest.TestFramework (1.3.2)
    NETStandard.Library (2.0.3) - restriction: || (== net45) (&& (== net452) (< net20) (>= netstandard2.0)) (&& (== net452) (>= netcoreapp2.1)) (== netcoreapp2.1) (== netstandard2.0)
      Microsoft.NETCore.Platforms (>= 1.1)
    Newtonsoft.Json (11.0.2) - restriction: || (&& (== net45) (>= netcoreapp2.0)) (&& (== net452) (>= netcoreapp2.0)) (== netcoreapp2.1) (&& (== netstandard2.0) (>= netcoreapp2.0))
    NUnit (3.11)
      NETStandard.Library (>= 2.0) - restriction: || (&& (== net45) (< net20) (>= netstandard2.0)) (&& (== net452) (< net20) (>= netstandard2.0)) (== netcoreapp2.1) (== netstandard2.0)
    NUnit.ConsoleRunner (3.9)
    NUnit3TestAdapter (3.10)
      Microsoft.DotNet.InternalAbstractions (>= 1.0) - restriction: || (&& (== net45) (>= netcoreapp1.0)) (&& (== net452) (>= netcoreapp1.0)) (== netcoreapp2.1) (&& (== netstandard2.0) (>= netcoreapp1.0))
      System.ComponentModel.EventBasedAsync (>= 4.3) - restriction: || (&& (== net45) (>= netcoreapp1.0)) (&& (== net452) (>= netcoreapp1.0)) (== netcoreapp2.1) (&& (== netstandard2.0) (>= netcoreapp1.0))
      System.ComponentModel.TypeConverter (>= 4.3) - restriction: || (&& (== net45) (>= netcoreapp1.0)) (&& (== net452) (>= netcoreapp1.0)) (== netcoreapp2.1) (&& (== netstandard2.0) (>= netcoreapp1.0))
      System.Diagnostics.Process (>= 4.3) - restriction: || (&& (== net45) (>= netcoreapp1.0)) (&& (== net452) (>= netcoreapp1.0)) (== netcoreapp2.1) (&& (== netstandard2.0) (>= netcoreapp1.0))
      System.Reflection (>= 4.3) - restriction: || (&& (== net45) (>= netcoreapp1.0)) (&& (== net452) (>= netcoreapp1.0)) (== netcoreapp2.1) (&& (== netstandard2.0) (>= netcoreapp1.0))
      System.Runtime.InteropServices.RuntimeInformation (>= 4.3) - restriction: || (&& (== net45) (>= netcoreapp1.0)) (&& (== net452) (>= netcoreapp1.0)) (== netcoreapp2.1) (&& (== netstandard2.0) (>= netcoreapp1.0))
      System.Threading.Thread (>= 4.3) - restriction: || (&& (== net45) (>= netcoreapp1.0)) (&& (== net452) (>= netcoreapp1.0)) (== netcoreapp2.1) (&& (== netstandard2.0) (>= netcoreapp1.0))
      System.Xml.XmlDocument (>= 4.3) - restriction: || (&& (== net45) (>= netcoreapp1.0)) (&& (== net452) (>= netcoreapp1.0)) (== netcoreapp2.1) (&& (== netstandard2.0) (>= netcoreapp1.0))
      System.Xml.XPath.XmlDocument (>= 4.3) - restriction: || (&& (== net45) (>= netcoreapp1.0)) (&& (== net452) (>= netcoreapp1.0)) (== netcoreapp2.1) (&& (== netstandard2.0) (>= netcoreapp1.0))
    Paket.Core (5.181.1) - restriction: || (&& (== net45) (>= netcoreapp2.0)) (&& (== net452) (>= netcoreapp2.0)) (== netcoreapp2.1) (&& (== netstandard2.0) (>= netcoreapp2.0))
      Chessie (>= 0.6)
      Mono.Cecil (>= 0.10.0-beta6)
      Newtonsoft.Json (>= 10.0.3) - restriction: || (&& (== net452) (< net45) (>= netstandard2.0)) (== netcoreapp2.1) (== netstandard2.0)
      System.Net.Http.WinHttpHandler (>= 4.5) - restriction: || (&& (== net452) (< net45) (>= netstandard2.0)) (== netcoreapp2.1) (== netstandard2.0)
      System.Security.Cryptography.ProtectedData (>= 4.4) - restriction: || (&& (== net452) (< net45) (>= netstandard2.0)) (== netcoreapp2.1) (== netstandard2.0)
    runtime.debian.8-x64.runtime.native.System.Security.Cryptography.OpenSsl (4.3.3) - restriction: || (&& (== net45) (>= netcoreapp2.0)) (&& (== net452) (>= netcoreapp2.0)) (== netcoreapp2.1) (&& (== netstandard2.0) (>= netcoreapp2.0))
    runtime.debian.9-x64.runtime.native.System.Security.Cryptography.OpenSsl (4.3.3) - restriction: || (&& (== net45) (>= netcoreapp2.0)) (&& (== net452) (>= netcoreapp2.0)) (== netcoreapp2.1) (&& (== netstandard2.0) (>= netcoreapp2.0))
    runtime.fedora.23-x64.runtime.native.System.Security.Cryptography.OpenSsl (4.3.3) - restriction: || (&& (== net45) (>= netcoreapp2.0)) (&& (== net452) (>= netcoreapp2.0)) (== netcoreapp2.1) (&& (== netstandard2.0) (>= netcoreapp2.0))
    runtime.fedora.24-x64.runtime.native.System.Security.Cryptography.OpenSsl (4.3.3) - restriction: || (&& (== net45) (>= netcoreapp2.0)) (&& (== net452) (>= netcoreapp2.0)) (== netcoreapp2.1) (&& (== netstandard2.0) (>= netcoreapp2.0))
    runtime.fedora.27-x64.runtime.native.System.Security.Cryptography.OpenSsl (4.3.3) - restriction: || (&& (== net45) (>= netcoreapp2.0)) (&& (== net452) (>= netcoreapp2.0)) (== netcoreapp2.1) (&& (== netstandard2.0) (>= netcoreapp2.0))
    runtime.fedora.28-x64.runtime.native.System.Security.Cryptography.OpenSsl (4.3.3) - restriction: || (&& (== net45) (>= netcoreapp2.0)) (&& (== net452) (>= netcoreapp2.0)) (== netcoreapp2.1) (&& (== netstandard2.0) (>= netcoreapp2.0))
    runtime.native.System (4.3.1) - restriction: || (&& (== net45) (>= netcoreapp1.0)) (&& (== net452) (>= netcoreapp1.0)) (== netcoreapp2.1) (&& (== netstandard2.0) (>= netcoreapp1.0))
      Microsoft.NETCore.Platforms (>= 1.1.1)
      Microsoft.NETCore.Targets (>= 1.1.3)
    runtime.native.System.Security.Cryptography.Apple (4.3.1) - restriction: || (&& (== net45) (>= netcoreapp2.0)) (&& (== net452) (>= netcoreapp2.0)) (== netcoreapp2.1) (&& (== netstandard2.0) (>= netcoreapp2.0))
      runtime.osx.10.10-x64.runtime.native.System.Security.Cryptography.Apple (>= 4.3.1)
    runtime.native.System.Security.Cryptography.OpenSsl (4.3.3) - restriction: || (&& (== net45) (>= netcoreapp2.0)) (&& (== net452) (>= netcoreapp2.0)) (== netcoreapp2.1) (&& (== netstandard2.0) (>= netcoreapp2.0))
      runtime.debian.8-x64.runtime.native.System.Security.Cryptography.OpenSsl (>= 4.3.3)
      runtime.debian.9-x64.runtime.native.System.Security.Cryptography.OpenSsl (>= 4.3.3)
      runtime.fedora.23-x64.runtime.native.System.Security.Cryptography.OpenSsl (>= 4.3.3)
      runtime.fedora.24-x64.runtime.native.System.Security.Cryptography.OpenSsl (>= 4.3.3)
      runtime.fedora.27-x64.runtime.native.System.Security.Cryptography.OpenSsl (>= 4.3.3)
      runtime.fedora.28-x64.runtime.native.System.Security.Cryptography.OpenSsl (>= 4.3.3)
      runtime.opensuse.13.2-x64.runtime.native.System.Security.Cryptography.OpenSsl (>= 4.3.3)
      runtime.opensuse.42.1-x64.runtime.native.System.Security.Cryptography.OpenSsl (>= 4.3.3)
      runtime.opensuse.42.3-x64.runtime.native.System.Security.Cryptography.OpenSsl (>= 4.3.3)
      runtime.osx.10.10-x64.runtime.native.System.Security.Cryptography.OpenSsl (>= 4.3.3)
      runtime.rhel.7-x64.runtime.native.System.Security.Cryptography.OpenSsl (>= 4.3.3)
      runtime.ubuntu.14.04-x64.runtime.native.System.Security.Cryptography.OpenSsl (>= 4.3.3)
      runtime.ubuntu.16.04-x64.runtime.native.System.Security.Cryptography.OpenSsl (>= 4.3.3)
      runtime.ubuntu.16.10-x64.runtime.native.System.Security.Cryptography.OpenSsl (>= 4.3.3)
      runtime.ubuntu.18.04-x64.runtime.native.System.Security.Cryptography.OpenSsl (>= 4.3.3)
    runtime.opensuse.13.2-x64.runtime.native.System.Security.Cryptography.OpenSsl (4.3.3) - restriction: || (&& (== net45) (>= netcoreapp2.0)) (&& (== net452) (>= netcoreapp2.0)) (== netcoreapp2.1) (&& (== netstandard2.0) (>= netcoreapp2.0))
    runtime.opensuse.42.1-x64.runtime.native.System.Security.Cryptography.OpenSsl (4.3.3) - restriction: || (&& (== net45) (>= netcoreapp2.0)) (&& (== net452) (>= netcoreapp2.0)) (== netcoreapp2.1) (&& (== netstandard2.0) (>= netcoreapp2.0))
    runtime.opensuse.42.3-x64.runtime.native.System.Security.Cryptography.OpenSsl (4.3.3) - restriction: || (&& (== net45) (>= netcoreapp2.0)) (&& (== net452) (>= netcoreapp2.0)) (== netcoreapp2.1) (&& (== netstandard2.0) (>= netcoreapp2.0))
    runtime.osx.10.10-x64.runtime.native.System.Security.Cryptography.Apple (4.3.1) - restriction: || (&& (== net45) (>= netcoreapp2.0)) (&& (== net452) (>= netcoreapp2.0)) (== netcoreapp2.1) (&& (== netstandard2.0) (>= netcoreapp2.0))
    runtime.osx.10.10-x64.runtime.native.System.Security.Cryptography.OpenSsl (4.3.3) - restriction: || (&& (== net45) (>= netcoreapp2.0)) (&& (== net452) (>= netcoreapp2.0)) (== netcoreapp2.1) (&& (== netstandard2.0) (>= netcoreapp2.0))
    runtime.rhel.7-x64.runtime.native.System.Security.Cryptography.OpenSsl (4.3.3) - restriction: || (&& (== net45) (>= netcoreapp2.0)) (&& (== net452) (>= netcoreapp2.0)) (== netcoreapp2.1) (&& (== netstandard2.0) (>= netcoreapp2.0))
    runtime.ubuntu.14.04-x64.runtime.native.System.Security.Cryptography.OpenSsl (4.3.3) - restriction: || (&& (== net45) (>= netcoreapp2.0)) (&& (== net452) (>= netcoreapp2.0)) (== netcoreapp2.1) (&& (== netstandard2.0) (>= netcoreapp2.0))
    runtime.ubuntu.16.04-x64.runtime.native.System.Security.Cryptography.OpenSsl (4.3.3) - restriction: || (&& (== net45) (>= netcoreapp2.0)) (&& (== net452) (>= netcoreapp2.0)) (== netcoreapp2.1) (&& (== netstandard2.0) (>= netcoreapp2.0))
    runtime.ubuntu.16.10-x64.runtime.native.System.Security.Cryptography.OpenSsl (4.3.3) - restriction: || (&& (== net45) (>= netcoreapp2.0)) (&& (== net452) (>= netcoreapp2.0)) (== netcoreapp2.1) (&& (== netstandard2.0) (>= netcoreapp2.0))
    runtime.ubuntu.18.04-x64.runtime.native.System.Security.Cryptography.OpenSsl (4.3.3) - restriction: || (&& (== net45) (>= netcoreapp2.0)) (&& (== net452) (>= netcoreapp2.0)) (== netcoreapp2.1) (&& (== netstandard2.0) (>= netcoreapp2.0))
    System.AppContext (4.3) - restriction: || (&& (== net45) (>= netcoreapp1.0)) (&& (== net452) (>= netcoreapp1.0)) (== netcoreapp2.1) (&& (== netstandard2.0) (>= netcoreapp1.0))
      System.Runtime (>= 4.3) - restriction: || (&& (== net45) (>= dnxcore50)) (&& (== net45) (>= netstandard1.3)) (&& (== net45) (>= netstandard1.6)) (&& (== net452) (>= dnxcore50)) (&& (== net452) (>= netstandard1.3)) (&& (== net452) (>= netstandard1.6)) (== netcoreapp2.1) (== netstandard2.0)
    System.Collections (4.3) - restriction: || (&& (== net45) (>= netcoreapp1.0)) (&& (== net452) (>= netcoreapp1.0)) (== netcoreapp2.1) (&& (== netstandard2.0) (>= netcoreapp1.0))
      Microsoft.NETCore.Platforms (>= 1.1) - restriction: || (&& (== net45) (>= dnxcore50)) (&& (== net452) (>= dnxcore50)) (&& (== net452) (< net45)) (== netcoreapp2.1) (== netstandard2.0)
      Microsoft.NETCore.Targets (>= 1.1) - restriction: || (&& (== net45) (>= dnxcore50)) (&& (== net452) (>= dnxcore50)) (&& (== net452) (< net45)) (== netcoreapp2.1) (== netstandard2.0)
      System.Runtime (>= 4.3) - restriction: || (&& (== net45) (>= dnxcore50)) (&& (== net452) (>= dnxcore50)) (&& (== net452) (< net45)) (== netcoreapp2.1) (== netstandard2.0)
    System.Collections.Concurrent (4.3) - restriction: || (&& (== net45) (>= netcoreapp2.0)) (&& (== net452) (>= netcoreapp2.0)) (== netcoreapp2.1) (&& (== netstandard2.0) (>= netcoreapp2.0))
      System.Collections (>= 4.3) - restriction: || (&& (== net45) (>= dnxcore50)) (&& (== net452) (>= dnxcore50)) (&& (== net452) (< net45) (>= netstandard1.3)) (== netcoreapp2.1) (== netstandard2.0)
      System.Diagnostics.Debug (>= 4.3) - restriction: || (&& (== net45) (>= dnxcore50)) (&& (== net452) (>= dnxcore50)) (&& (== net452) (< net45) (>= netstandard1.3)) (== netcoreapp2.1) (== netstandard2.0)
      System.Diagnostics.Tracing (>= 4.3) - restriction: || (&& (== net45) (>= dnxcore50)) (&& (== net452) (>= dnxcore50)) (&& (== net452) (< net45) (>= netstandard1.3)) (== netcoreapp2.1) (== netstandard2.0)
      System.Globalization (>= 4.3) - restriction: || (&& (== net45) (>= dnxcore50)) (&& (== net452) (>= dnxcore50)) (&& (== net452) (< net45) (>= netstandard1.3)) (== netcoreapp2.1) (== netstandard2.0)
      System.Reflection (>= 4.3) - restriction: || (&& (== net452) (< net45) (>= netstandard1.3)) (== netcoreapp2.1) (== netstandard2.0)
      System.Resources.ResourceManager (>= 4.3) - restriction: || (&& (== net45) (>= dnxcore50)) (&& (== net452) (>= dnxcore50)) (&& (== net452) (< net45) (>= netstandard1.3)) (== netcoreapp2.1) (== netstandard2.0)
      System.Runtime (>= 4.3) - restriction: || (&& (== net45) (>= dnxcore50)) (&& (== net452) (>= dnxcore50)) (&& (== net452) (< net45)) (== netcoreapp2.1) (== netstandard2.0)
      System.Runtime.Extensions (>= 4.3) - restriction: || (&& (== net45) (>= dnxcore50)) (&& (== net452) (>= dnxcore50)) (&& (== net452) (< net45) (>= netstandard1.3)) (== netcoreapp2.1) (== netstandard2.0)
      System.Threading (>= 4.3) - restriction: || (&& (== net45) (>= dnxcore50)) (&& (== net452) (>= dnxcore50)) (&& (== net452) (< net45) (>= netstandard1.3)) (== netcoreapp2.1) (== netstandard2.0)
      System.Threading.Tasks (>= 4.3) - restriction: || (&& (== net45) (>= dnxcore50)) (&& (== net452) (>= dnxcore50)) (&& (== net452) (< net45)) (== netcoreapp2.1) (== netstandard2.0)
    System.Collections.Immutable (1.5) - restriction: || (&& (== net45) (>= netcoreapp2.0)) (&& (== net452) (>= netcoreapp2.0)) (== netcoreapp2.1) (&& (== netstandard2.0) (>= netcoreapp2.0))
    System.Collections.NonGeneric (4.3) - restriction: || (&& (== net45) (>= netcoreapp1.0)) (&& (== net452) (>= netcoreapp1.0)) (== netcoreapp2.1) (&& (== netstandard2.0) (>= netcoreapp1.0))
      System.Diagnostics.Debug (>= 4.3) - restriction: || (&& (== net45) (>= netstandard1.3)) (&& (== net452) (>= netstandard1.3)) (== netcoreapp2.1) (== netstandard2.0)
      System.Globalization (>= 4.3) - restriction: || (&& (== net45) (>= netstandard1.3)) (&& (== net452) (>= netstandard1.3)) (== netcoreapp2.1) (== netstandard2.0)
      System.Resources.ResourceManager (>= 4.3) - restriction: || (&& (== net45) (>= netstandard1.3)) (&& (== net452) (>= netstandard1.3)) (== netcoreapp2.1) (== netstandard2.0)
      System.Runtime (>= 4.3) - restriction: || (&& (== net45) (>= netstandard1.3)) (&& (== net452) (>= netstandard1.3)) (== netcoreapp2.1) (== netstandard2.0)
      System.Runtime.Extensions (>= 4.3) - restriction: || (&& (== net45) (>= netstandard1.3)) (&& (== net452) (>= netstandard1.3)) (== netcoreapp2.1) (== netstandard2.0)
      System.Threading (>= 4.3) - restriction: || (&& (== net45) (>= netstandard1.3)) (&& (== net452) (>= netstandard1.3)) (== netcoreapp2.1) (== netstandard2.0)
    System.Collections.Specialized (4.3) - restriction: || (&& (== net45) (>= netcoreapp1.0)) (&& (== net452) (>= netcoreapp1.0)) (== netcoreapp2.1) (&& (== netstandard2.0) (>= netcoreapp1.0))
      System.Collections.NonGeneric (>= 4.3) - restriction: || (&& (== net45) (>= netstandard1.3)) (&& (== net452) (>= netstandard1.3)) (== netcoreapp2.1) (== netstandard2.0)
      System.Globalization (>= 4.3) - restriction: || (&& (== net45) (>= netstandard1.3)) (&& (== net452) (>= netstandard1.3)) (== netcoreapp2.1) (== netstandard2.0)
      System.Globalization.Extensions (>= 4.3) - restriction: || (&& (== net45) (>= netstandard1.3)) (&& (== net452) (>= netstandard1.3)) (== netcoreapp2.1) (== netstandard2.0)
      System.Resources.ResourceManager (>= 4.3) - restriction: || (&& (== net45) (>= netstandard1.3)) (&& (== net452) (>= netstandard1.3)) (== netcoreapp2.1) (== netstandard2.0)
      System.Runtime (>= 4.3) - restriction: || (&& (== net45) (>= netstandard1.3)) (&& (== net452) (>= netstandard1.3)) (== netcoreapp2.1) (== netstandard2.0)
      System.Runtime.Extensions (>= 4.3) - restriction: || (&& (== net45) (>= netstandard1.3)) (&& (== net452) (>= netstandard1.3)) (== netcoreapp2.1) (== netstandard2.0)
      System.Threading (>= 4.3) - restriction: || (&& (== net45) (>= netstandard1.3)) (&& (== net452) (>= netstandard1.3)) (== netcoreapp2.1) (== netstandard2.0)
    System.ComponentModel (4.3) - restriction: || (&& (== net45) (>= netcoreapp1.0)) (&& (== net452) (< net45)) (&& (== net452) (>= netcoreapp1.0)) (== netcoreapp2.1) (== netstandard2.0)
      System.Runtime (>= 4.3) - restriction: || (&& (== net45) (>= dnxcore50)) (&& (== net452) (>= dnxcore50)) (&& (== net452) (< net45)) (== netcoreapp2.1) (== netstandard2.0)
    System.ComponentModel.EventBasedAsync (4.3) - restriction: || (&& (== net45) (>= netcoreapp1.0)) (&& (== net452) (>= netcoreapp1.0)) (== netcoreapp2.1) (&& (== netstandard2.0) (>= netcoreapp1.0))
      System.Resources.ResourceManager (>= 4.3) - restriction: || (&& (== net45) (>= dnxcore50)) (&& (== net452) (>= dnxcore50)) (&& (== net452) (< net45) (>= netstandard1.3)) (== netcoreapp2.1) (== netstandard2.0)
      System.Runtime (>= 4.3) - restriction: || (&& (== net45) (>= dnxcore50)) (&& (== net452) (>= dnxcore50)) (&& (== net452) (< net45)) (== netcoreapp2.1) (== netstandard2.0)
      System.Threading (>= 4.3) - restriction: || (&& (== net45) (>= dnxcore50)) (&& (== net452) (>= dnxcore50)) (&& (== net452) (< net45) (>= netstandard1.3)) (== netcoreapp2.1) (== netstandard2.0)
      System.Threading.Tasks (>= 4.3) - restriction: || (&& (== net45) (>= dnxcore50)) (&& (== net452) (>= dnxcore50)) (&& (== net452) (< net45) (>= netstandard1.3)) (== netcoreapp2.1) (== netstandard2.0)
    System.ComponentModel.Primitives (4.3) - restriction: || (&& (== net45) (>= netcoreapp1.0)) (&& (== net452) (>= netcoreapp1.0)) (== netcoreapp2.1) (&& (== netstandard2.0) (>= netcoreapp1.0))
      System.ComponentModel (>= 4.3) - restriction: || (&& (== net452) (< net45)) (== netcoreapp2.1) (== netstandard2.0)
      System.Resources.ResourceManager (>= 4.3) - restriction: || (&& (== net452) (< net45)) (== netcoreapp2.1) (== netstandard2.0)
      System.Runtime (>= 4.3) - restriction: || (&& (== net452) (< net45)) (== netcoreapp2.1) (== netstandard2.0)
    System.ComponentModel.TypeConverter (4.3) - restriction: || (&& (== net45) (>= netcoreapp1.0)) (&& (== net452) (>= netcoreapp1.0)) (== netcoreapp2.1) (&& (== netstandard2.0) (>= netcoreapp1.0))
      System.Collections (>= 4.3) - restriction: || (&& (== net452) (< net45)) (== netcoreapp2.1) (== netstandard2.0)
      System.Collections.NonGeneric (>= 4.3) - restriction: || (&& (== net45) (>= net462)) (&& (== net452) (< net45) (>= netstandard1.5)) (&& (== net452) (>= net462)) (== netcoreapp2.1) (== netstandard2.0)
      System.Collections.Specialized (>= 4.3) - restriction: || (&& (== net452) (< net45) (>= netstandard1.5)) (== netcoreapp2.1) (== netstandard2.0)
      System.ComponentModel (>= 4.3) - restriction: || (&& (== net452) (< net45)) (== netcoreapp2.1) (== netstandard2.0)
      System.ComponentModel.Primitives (>= 4.3)
      System.Globalization (>= 4.3) - restriction: || (&& (== net452) (< net45)) (== netcoreapp2.1) (== netstandard2.0)
      System.Linq (>= 4.3) - restriction: || (&& (== net452) (< net45) (>= netstandard1.5)) (== netcoreapp2.1) (== netstandard2.0)
      System.Reflection (>= 4.3) - restriction: || (&& (== net452) (< net45)) (== netcoreapp2.1) (== netstandard2.0)
      System.Reflection.Extensions (>= 4.3) - restriction: || (&& (== net452) (< net45)) (== netcoreapp2.1) (== netstandard2.0)
      System.Reflection.Primitives (>= 4.3) - restriction: || (&& (== net452) (< net45)) (== netcoreapp2.1) (== netstandard2.0)
      System.Reflection.TypeExtensions (>= 4.3) - restriction: || (&& (== net452) (< net45) (>= netstandard1.5)) (== netcoreapp2.1) (== netstandard2.0)
      System.Resources.ResourceManager (>= 4.3) - restriction: || (&& (== net452) (< net45)) (== netcoreapp2.1) (== netstandard2.0)
      System.Runtime (>= 4.3) - restriction: || (&& (== net452) (< net45)) (== netcoreapp2.1) (== netstandard2.0)
      System.Runtime.Extensions (>= 4.3) - restriction: || (&& (== net452) (< net45)) (== netcoreapp2.1) (== netstandard2.0)
      System.Threading (>= 4.3) - restriction: || (&& (== net452) (< net45)) (== netcoreapp2.1) (== netstandard2.0)
    System.Diagnostics.Debug (4.3) - restriction: || (&& (== net45) (>= netcoreapp1.0)) (&& (== net452) (>= netcoreapp1.0)) (== netcoreapp2.1) (&& (== netstandard2.0) (>= netcoreapp1.0))
      Microsoft.NETCore.Platforms (>= 1.1) - restriction: || (&& (== net45) (>= dnxcore50)) (&& (== net452) (>= dnxcore50)) (&& (== net452) (< net45)) (== netcoreapp2.1) (== netstandard2.0)
      Microsoft.NETCore.Targets (>= 1.1) - restriction: || (&& (== net45) (>= dnxcore50)) (&& (== net452) (>= dnxcore50)) (&& (== net452) (< net45)) (== netcoreapp2.1) (== netstandard2.0)
      System.Runtime (>= 4.3) - restriction: || (&& (== net45) (>= dnxcore50)) (&& (== net452) (>= dnxcore50)) (&& (== net452) (< net45)) (== netcoreapp2.1) (== netstandard2.0)
    System.Diagnostics.Process (4.3) - restriction: || (&& (== net45) (>= netcoreapp1.0)) (&& (== net452) (>= netcoreapp1.0)) (== netcoreapp2.1) (&& (== netstandard2.0) (>= netcoreapp1.0))
      Microsoft.NETCore.Platforms (>= 1.1) - restriction: || (&& (== net45) (>= netstandard1.4)) (&& (== net452) (>= netstandard1.4)) (== netcoreapp2.1) (== netstandard2.0)
      Microsoft.Win32.Primitives (>= 4.3) - restriction: || (&& (== net45) (>= netstandard1.4)) (&& (== net452) (>= netstandard1.4)) (== netcoreapp2.1) (== netstandard2.0)
      Microsoft.Win32.Registry (>= 4.3) - restriction: || (&& (== net45) (>= netstandard1.4)) (&& (== net452) (>= netstandard1.4)) (== netcoreapp2.1) (== netstandard2.0)
      runtime.native.System (>= 4.3) - restriction: || (&& (== net45) (>= netstandard1.4)) (&& (== net452) (>= netstandard1.4)) (== netcoreapp2.1) (== netstandard2.0)
      System.Collections (>= 4.3) - restriction: || (&& (== net45) (>= netstandard1.4)) (&& (== net452) (>= netstandard1.4)) (== netcoreapp2.1) (== netstandard2.0)
      System.Diagnostics.Debug (>= 4.3) - restriction: || (&& (== net45) (>= netstandard1.4)) (&& (== net452) (>= netstandard1.4)) (== netcoreapp2.1) (== netstandard2.0)
      System.Globalization (>= 4.3) - restriction: || (&& (== net45) (>= netstandard1.4)) (&& (== net452) (>= netstandard1.4)) (== netcoreapp2.1) (== netstandard2.0)
      System.IO (>= 4.3) - restriction: || (&& (== net45) (>= netstandard1.3)) (&& (== net45) (>= netstandard1.4)) (&& (== net452) (>= netstandard1.3)) (&& (== net452) (>= netstandard1.4)) (== netcoreapp2.1) (== netstandard2.0)
      System.IO.FileSystem (>= 4.3) - restriction: || (&& (== net45) (>= netstandard1.4)) (&& (== net452) (>= netstandard1.4)) (== netcoreapp2.1) (== netstandard2.0)
      System.IO.FileSystem.Primitives (>= 4.3) - restriction: || (&& (== net45) (>= netstandard1.4)) (&& (== net452) (>= netstandard1.4)) (== netcoreapp2.1) (== netstandard2.0)
      System.Resources.ResourceManager (>= 4.3) - restriction: || (&& (== net45) (>= netstandard1.4)) (&& (== net452) (>= netstandard1.4)) (== netcoreapp2.1) (== netstandard2.0)
      System.Runtime (>= 4.3) - restriction: || (&& (== net45) (>= netstandard1.3)) (&& (== net45) (>= netstandard1.4)) (&& (== net452) (>= netstandard1.3)) (&& (== net452) (>= netstandard1.4)) (== netcoreapp2.1) (== netstandard2.0)
      System.Runtime.Extensions (>= 4.3) - restriction: || (&& (== net45) (>= netstandard1.4)) (&& (== net452) (>= netstandard1.4)) (== netcoreapp2.1) (== netstandard2.0)
      System.Runtime.Handles (>= 4.3) - restriction: || (&& (== net45) (>= netstandard1.3)) (&& (== net45) (>= netstandard1.4)) (&& (== net452) (>= netstandard1.3)) (&& (== net452) (>= netstandard1.4)) (== netcoreapp2.1) (== netstandard2.0)
      System.Runtime.InteropServices (>= 4.3) - restriction: || (&& (== net45) (>= netstandard1.4)) (&& (== net452) (>= netstandard1.4)) (== netcoreapp2.1) (== netstandard2.0)
      System.Text.Encoding (>= 4.3) - restriction: || (&& (== net45) (>= netstandard1.3)) (&& (== net45) (>= netstandard1.4)) (&& (== net452) (>= netstandard1.3)) (&& (== net452) (>= netstandard1.4)) (== netcoreapp2.1) (== netstandard2.0)
      System.Text.Encoding.Extensions (>= 4.3) - restriction: || (&& (== net45) (>= netstandard1.4)) (&& (== net452) (>= netstandard1.4)) (== netcoreapp2.1) (== netstandard2.0)
      System.Threading (>= 4.3) - restriction: || (&& (== net45) (>= netstandard1.4)) (&& (== net452) (>= netstandard1.4)) (== netcoreapp2.1) (== netstandard2.0)
      System.Threading.Tasks (>= 4.3) - restriction: || (&& (== net45) (>= netstandard1.4)) (&& (== net452) (>= netstandard1.4)) (== netcoreapp2.1) (== netstandard2.0)
      System.Threading.Thread (>= 4.3) - restriction: || (&& (== net45) (>= netstandard1.4)) (&& (== net452) (>= netstandard1.4)) (== netcoreapp2.1) (== netstandard2.0)
      System.Threading.ThreadPool (>= 4.3) - restriction: || (&& (== net45) (>= netstandard1.4)) (&& (== net452) (>= netstandard1.4)) (== netcoreapp2.1) (== netstandard2.0)
    System.Diagnostics.TextWriterTraceListener (4.3) - restriction: || (&& (== net45) (>= netcoreapp1.0)) (&& (== net452) (>= netcoreapp1.0)) (== netcoreapp2.1) (&& (== netstandard2.0) (>= netcoreapp1.0))
      System.Diagnostics.TraceSource (>= 4.3) - restriction: || (&& (== net45) (>= net46)) (&& (== net45) (>= netstandard1.3)) (&& (== net452) (>= net46)) (&& (== net452) (>= netstandard1.3)) (== netcoreapp2.1) (== netstandard2.0)
      System.Globalization (>= 4.3) - restriction: || (&& (== net45) (>= netstandard1.3)) (&& (== net452) (>= netstandard1.3)) (== netcoreapp2.1) (== netstandard2.0)
      System.IO (>= 4.3) - restriction: || (&& (== net45) (>= netstandard1.3)) (&& (== net452) (>= netstandard1.3)) (== netcoreapp2.1) (== netstandard2.0)
      System.Resources.ResourceManager (>= 4.3) - restriction: || (&& (== net45) (>= netstandard1.3)) (&& (== net452) (>= netstandard1.3)) (== netcoreapp2.1) (== netstandard2.0)
      System.Runtime (>= 4.3) - restriction: || (&& (== net45) (>= netstandard1.3)) (&& (== net452) (>= netstandard1.3)) (== netcoreapp2.1) (== netstandard2.0)
      System.Threading (>= 4.3) - restriction: || (&& (== net45) (>= netstandard1.3)) (&& (== net452) (>= netstandard1.3)) (== netcoreapp2.1) (== netstandard2.0)
    System.Diagnostics.Tools (4.3) - restriction: || (&& (== net45) (>= netcoreapp1.0)) (&& (== net452) (>= netcoreapp1.0)) (== netcoreapp2.1) (&& (== netstandard2.0) (>= netcoreapp1.0))
      Microsoft.NETCore.Platforms (>= 1.1) - restriction: || (&& (== net45) (>= dnxcore50)) (&& (== net452) (>= dnxcore50)) (&& (== net452) (< net45)) (== netcoreapp2.1) (== netstandard2.0)
      Microsoft.NETCore.Targets (>= 1.1) - restriction: || (&& (== net45) (>= dnxcore50)) (&& (== net452) (>= dnxcore50)) (&& (== net452) (< net45)) (== netcoreapp2.1) (== netstandard2.0)
      System.Runtime (>= 4.3) - restriction: || (&& (== net45) (>= dnxcore50)) (&& (== net452) (>= dnxcore50)) (&& (== net452) (< net45)) (== netcoreapp2.1) (== netstandard2.0)
    System.Diagnostics.TraceSource (4.3) - restriction: || (&& (== net45) (>= netcoreapp1.0)) (&& (== net452) (>= netcoreapp1.0)) (== netcoreapp2.1) (&& (== netstandard2.0) (>= netcoreapp1.0))
      Microsoft.NETCore.Platforms (>= 1.1) - restriction: || (&& (== net45) (>= netstandard1.3)) (&& (== net452) (>= netstandard1.3)) (== netcoreapp2.1) (== netstandard2.0)
      runtime.native.System (>= 4.3) - restriction: || (&& (== net45) (>= netstandard1.3)) (&& (== net452) (>= netstandard1.3)) (== netcoreapp2.1) (== netstandard2.0)
      System.Collections (>= 4.3) - restriction: || (&& (== net45) (>= netstandard1.3)) (&& (== net452) (>= netstandard1.3)) (== netcoreapp2.1) (== netstandard2.0)
      System.Diagnostics.Debug (>= 4.3) - restriction: || (&& (== net45) (>= netstandard1.3)) (&& (== net452) (>= netstandard1.3)) (== netcoreapp2.1) (== netstandard2.0)
      System.Globalization (>= 4.3) - restriction: || (&& (== net45) (>= netstandard1.3)) (&& (== net452) (>= netstandard1.3)) (== netcoreapp2.1) (== netstandard2.0)
      System.Resources.ResourceManager (>= 4.3) - restriction: || (&& (== net45) (>= netstandard1.3)) (&& (== net452) (>= netstandard1.3)) (== netcoreapp2.1) (== netstandard2.0)
      System.Runtime (>= 4.3) - restriction: || (&& (== net45) (>= netstandard1.3)) (&& (== net452) (>= netstandard1.3)) (== netcoreapp2.1) (== netstandard2.0)
      System.Runtime.Extensions (>= 4.3) - restriction: || (&& (== net45) (>= netstandard1.3)) (&& (== net452) (>= netstandard1.3)) (== netcoreapp2.1) (== netstandard2.0)
      System.Threading (>= 4.3) - restriction: || (&& (== net45) (>= netstandard1.3)) (&& (== net452) (>= netstandard1.3)) (== netcoreapp2.1) (== netstandard2.0)
    System.Diagnostics.Tracing (4.3) - restriction: || (&& (== net45) (>= netcoreapp2.0)) (&& (== net452) (>= netcoreapp2.0)) (== netcoreapp2.1) (&& (== netstandard2.0) (>= netcoreapp2.0))
      Microsoft.NETCore.Platforms (>= 1.1) - restriction: || (&& (== net45) (>= dnxcore50)) (&& (== net452) (>= dnxcore50)) (&& (== net452) (< net45)) (== netcoreapp2.1) (== netstandard2.0)
      Microsoft.NETCore.Targets (>= 1.1) - restriction: || (&& (== net45) (>= dnxcore50)) (&& (== net452) (>= dnxcore50)) (&& (== net452) (< net45)) (== netcoreapp2.1) (== netstandard2.0)
      System.Runtime (>= 4.3) - restriction: || (&& (== net45) (>= dnxcore50)) (&& (== net452) (>= dnxcore50)) (&& (== net452) (< net45)) (== netcoreapp2.1) (== netstandard2.0)
    System.Dynamic.Runtime (4.3) - restriction: || (&& (== net45) (>= netcoreapp1.0)) (&& (== net452) (>= netcoreapp1.0)) (== netcoreapp2.1) (&& (== netstandard2.0) (>= netcoreapp1.0))
      System.Collections (>= 4.3) - restriction: || (&& (== net45) (>= dnxcore50)) (&& (== net452) (>= dnxcore50)) (&& (== net452) (< net45) (>= netstandard1.3)) (== netcoreapp2.1) (== netstandard2.0)
      System.Diagnostics.Debug (>= 4.3) - restriction: || (&& (== net45) (>= dnxcore50)) (&& (== net452) (>= dnxcore50)) (&& (== net452) (< net45) (>= netstandard1.3)) (== netcoreapp2.1) (== netstandard2.0)
      System.Linq (>= 4.3) - restriction: || (&& (== net45) (>= dnxcore50)) (&& (== net452) (>= dnxcore50)) (&& (== net452) (< net45) (>= netstandard1.3)) (== netcoreapp2.1) (== netstandard2.0)
      System.Linq.Expressions (>= 4.3) - restriction: || (&& (== net45) (>= dnxcore50)) (&& (== net452) (>= dnxcore50)) (&& (== net452) (< net45)) (== netcoreapp2.1) (== netstandard2.0)
      System.ObjectModel (>= 4.3) - restriction: || (&& (== net45) (>= dnxcore50)) (&& (== net452) (>= dnxcore50)) (&& (== net452) (< net45)) (== netcoreapp2.1) (== netstandard2.0)
      System.Reflection (>= 4.3) - restriction: || (&& (== net45) (>= dnxcore50)) (&& (== net452) (>= dnxcore50)) (&& (== net452) (< net45)) (== netcoreapp2.1) (== netstandard2.0)
      System.Reflection.Emit (>= 4.3) - restriction: || (&& (== net452) (< net45) (>= netstandard1.3)) (== netcoreapp2.1) (== netstandard2.0)
      System.Reflection.Emit.ILGeneration (>= 4.3) - restriction: || (&& (== net452) (< net45) (>= netstandard1.3)) (== netcoreapp2.1) (== netstandard2.0)
      System.Reflection.Primitives (>= 4.3) - restriction: || (&& (== net452) (< net45) (>= netstandard1.3)) (== netcoreapp2.1) (== netstandard2.0)
      System.Reflection.TypeExtensions (>= 4.3) - restriction: || (&& (== net45) (>= dnxcore50)) (&& (== net452) (>= dnxcore50)) (&& (== net452) (< net45) (>= netstandard1.3)) (== netcoreapp2.1) (== netstandard2.0)
      System.Resources.ResourceManager (>= 4.3) - restriction: || (&& (== net45) (>= dnxcore50)) (&& (== net452) (>= dnxcore50)) (&& (== net452) (< net45) (>= netstandard1.3)) (== netcoreapp2.1) (== netstandard2.0)
      System.Runtime (>= 4.3) - restriction: || (&& (== net45) (>= dnxcore50)) (&& (== net452) (>= dnxcore50)) (&& (== net452) (< net45)) (== netcoreapp2.1) (== netstandard2.0)
      System.Runtime.Extensions (>= 4.3) - restriction: || (&& (== net45) (>= dnxcore50)) (&& (== net452) (>= dnxcore50)) (&& (== net452) (< net45) (>= netstandard1.3)) (== netcoreapp2.1) (== netstandard2.0)
      System.Threading (>= 4.3) - restriction: || (&& (== net45) (>= dnxcore50)) (&& (== net452) (>= dnxcore50)) (&& (== net452) (< net45) (>= netstandard1.3)) (== netcoreapp2.1) (== netstandard2.0)
    System.Globalization (4.3) - restriction: || (&& (== net45) (>= netcoreapp1.0)) (&& (== net452) (>= netcoreapp1.0)) (== netcoreapp2.1) (&& (== netstandard2.0) (>= netcoreapp1.0))
      Microsoft.NETCore.Platforms (>= 1.1) - restriction: || (&& (== net45) (>= dnxcore50)) (&& (== net452) (>= dnxcore50)) (&& (== net452) (< net45)) (== netcoreapp2.1) (== netstandard2.0)
      Microsoft.NETCore.Targets (>= 1.1) - restriction: || (&& (== net45) (>= dnxcore50)) (&& (== net452) (>= dnxcore50)) (&& (== net452) (< net45)) (== netcoreapp2.1) (== netstandard2.0)
      System.Runtime (>= 4.3) - restriction: || (&& (== net45) (>= dnxcore50)) (&& (== net452) (>= dnxcore50)) (&& (== net452) (< net45)) (== netcoreapp2.1) (== netstandard2.0)
    System.Globalization.Extensions (4.3) - restriction: || (&& (== net45) (>= netcoreapp1.0)) (&& (== net452) (>= netcoreapp1.0)) (== netcoreapp2.1) (&& (== netstandard2.0) (>= netcoreapp1.0))
      Microsoft.NETCore.Platforms (>= 1.1) - restriction: || (&& (== net45) (>= netstandard1.3)) (&& (== net452) (>= netstandard1.3)) (== netcoreapp2.1) (== netstandard2.0)
      System.Globalization (>= 4.3) - restriction: || (&& (== net45) (>= netstandard1.3)) (&& (== net452) (>= netstandard1.3)) (== netcoreapp2.1) (== netstandard2.0)
      System.Resources.ResourceManager (>= 4.3) - restriction: || (&& (== net45) (>= netstandard1.3)) (&& (== net452) (>= netstandard1.3)) (== netcoreapp2.1) (== netstandard2.0)
      System.Runtime (>= 4.3) - restriction: || (&& (== net45) (>= netstandard1.3)) (&& (== net452) (>= netstandard1.3)) (== netcoreapp2.1) (== netstandard2.0)
      System.Runtime.Extensions (>= 4.3) - restriction: || (&& (== net45) (>= netstandard1.3)) (&& (== net452) (>= netstandard1.3)) (== netcoreapp2.1) (== netstandard2.0)
      System.Runtime.InteropServices (>= 4.3) - restriction: || (&& (== net45) (>= netstandard1.3)) (&& (== net452) (>= netstandard1.3)) (== netcoreapp2.1) (== netstandard2.0)
    System.IO (4.3) - restriction: || (&& (== net45) (>= netcoreapp1.0)) (&& (== net452) (>= netcoreapp1.0)) (== netcoreapp2.1) (&& (== netstandard2.0) (>= netcoreapp1.0))
      Microsoft.NETCore.Platforms (>= 1.1) - restriction: || (&& (== net45) (>= dnxcore50)) (&& (== net452) (>= dnxcore50)) (&& (== net452) (< net45)) (== netcoreapp2.1) (== netstandard2.0)
      Microsoft.NETCore.Targets (>= 1.1) - restriction: || (&& (== net45) (>= dnxcore50)) (&& (== net452) (>= dnxcore50)) (&& (== net452) (< net45)) (== netcoreapp2.1) (== netstandard2.0)
      System.Runtime (>= 4.3) - restriction: || (&& (== net45) (>= dnxcore50)) (&& (== net452) (>= dnxcore50)) (&& (== net452) (< net45)) (== netcoreapp2.1) (== netstandard2.0)
      System.Text.Encoding (>= 4.3) - restriction: || (&& (== net45) (>= dnxcore50)) (&& (== net452) (>= dnxcore50)) (&& (== net452) (< net45)) (== netcoreapp2.1) (== netstandard2.0)
      System.Threading.Tasks (>= 4.3) - restriction: || (&& (== net45) (>= dnxcore50)) (&& (== net452) (>= dnxcore50)) (&& (== net452) (< net45)) (== netcoreapp2.1) (== netstandard2.0)
    System.IO.FileSystem (4.3) - restriction: || (&& (== net45) (>= netcoreapp1.0)) (&& (== net452) (>= netcoreapp1.0)) (== netcoreapp2.1) (&& (== netstandard2.0) (>= netcoreapp1.0))
      Microsoft.NETCore.Platforms (>= 1.1) - restriction: || (&& (== net45) (>= netstandard1.3)) (&& (== net452) (>= netstandard1.3)) (== netcoreapp2.1) (== netstandard2.0)
      Microsoft.NETCore.Targets (>= 1.1) - restriction: || (&& (== net45) (>= netstandard1.3)) (&& (== net452) (>= netstandard1.3)) (== netcoreapp2.1) (== netstandard2.0)
      System.IO (>= 4.3) - restriction: || (&& (== net45) (>= netstandard1.3)) (&& (== net452) (>= netstandard1.3)) (== netcoreapp2.1) (== netstandard2.0)
      System.IO.FileSystem.Primitives (>= 4.3) - restriction: || (&& (== net45) (>= net46)) (&& (== net45) (>= netstandard1.3)) (&& (== net452) (>= net46)) (&& (== net452) (>= netstandard1.3)) (== netcoreapp2.1) (== netstandard2.0)
      System.Runtime (>= 4.3) - restriction: || (&& (== net45) (>= netstandard1.3)) (&& (== net452) (>= netstandard1.3)) (== netcoreapp2.1) (== netstandard2.0)
      System.Runtime.Handles (>= 4.3) - restriction: || (&& (== net45) (>= netstandard1.3)) (&& (== net452) (>= netstandard1.3)) (== netcoreapp2.1) (== netstandard2.0)
      System.Text.Encoding (>= 4.3) - restriction: || (&& (== net45) (>= netstandard1.3)) (&& (== net452) (>= netstandard1.3)) (== netcoreapp2.1) (== netstandard2.0)
      System.Threading.Tasks (>= 4.3) - restriction: || (&& (== net45) (>= netstandard1.3)) (&& (== net452) (>= netstandard1.3)) (== netcoreapp2.1) (== netstandard2.0)
    System.IO.FileSystem.Primitives (4.3) - restriction: || (&& (== net45) (>= netcoreapp1.0)) (&& (== net452) (>= netcoreapp1.0)) (== netcoreapp2.1) (&& (== netstandard2.0) (>= netcoreapp1.0))
      System.Runtime (>= 4.3) - restriction: || (&& (== net45) (>= netstandard1.3)) (&& (== net452) (>= netstandard1.3)) (== netcoreapp2.1) (== netstandard2.0)
    System.Linq (4.3) - restriction: || (&& (== net45) (>= netcoreapp1.0)) (&& (== net452) (>= netcoreapp1.0)) (== netcoreapp2.1) (&& (== netstandard2.0) (>= netcoreapp1.0))
      System.Collections (>= 4.3) - restriction: || (&& (== net45) (>= dnxcore50)) (&& (== net452) (>= dnxcore50)) (&& (== net452) (< net45)) (== netcoreapp2.1) (== netstandard2.0)
      System.Diagnostics.Debug (>= 4.3) - restriction: || (&& (== net45) (>= dnxcore50)) (&& (== net452) (>= dnxcore50)) (&& (== net452) (< net45) (>= netstandard1.6)) (== netcoreapp2.1) (== netstandard2.0)
      System.Resources.ResourceManager (>= 4.3) - restriction: || (&& (== net45) (>= dnxcore50)) (&& (== net452) (>= dnxcore50)) (&& (== net452) (< net45) (>= netstandard1.6)) (== netcoreapp2.1) (== netstandard2.0)
      System.Runtime (>= 4.3) - restriction: || (&& (== net45) (>= dnxcore50)) (&& (== net452) (>= dnxcore50)) (&& (== net452) (< net45)) (== netcoreapp2.1) (== netstandard2.0)
      System.Runtime.Extensions (>= 4.3) - restriction: || (&& (== net45) (>= dnxcore50)) (&& (== net452) (>= dnxcore50)) (&& (== net452) (< net45) (>= netstandard1.6)) (== netcoreapp2.1) (== netstandard2.0)
    System.Linq.Expressions (4.3) - restriction: || (&& (== net45) (>= netcoreapp1.0)) (&& (== net452) (>= netcoreapp1.0)) (== netcoreapp2.1) (&& (== netstandard2.0) (>= netcoreapp1.0))
      System.Collections (>= 4.3) - restriction: || (&& (== net45) (>= dnxcore50)) (&& (== net452) (>= dnxcore50)) (&& (== net452) (< net45) (>= netstandard1.6)) (== netcoreapp2.1) (== netstandard2.0)
      System.Diagnostics.Debug (>= 4.3) - restriction: || (&& (== net45) (>= dnxcore50)) (&& (== net452) (>= dnxcore50)) (&& (== net452) (< net45) (>= netstandard1.6)) (== netcoreapp2.1) (== netstandard2.0)
      System.Globalization (>= 4.3) - restriction: || (&& (== net45) (>= dnxcore50)) (&& (== net452) (>= dnxcore50)) (&& (== net452) (< net45) (>= netstandard1.6)) (== netcoreapp2.1) (== netstandard2.0)
      System.IO (>= 4.3) - restriction: || (&& (== net45) (>= dnxcore50)) (&& (== net452) (>= dnxcore50)) (&& (== net452) (< net45) (>= netstandard1.6)) (== netcoreapp2.1) (== netstandard2.0)
      System.Linq (>= 4.3) - restriction: || (&& (== net45) (>= dnxcore50)) (&& (== net452) (>= dnxcore50)) (&& (== net452) (< net45) (>= netstandard1.6)) (== netcoreapp2.1) (== netstandard2.0)
      System.ObjectModel (>= 4.3) - restriction: || (&& (== net452) (< net45) (>= netstandard1.6)) (== netcoreapp2.1) (== netstandard2.0)
      System.Reflection (>= 4.3) - restriction: || (&& (== net45) (>= dnxcore50)) (&& (== net452) (>= dnxcore50)) (&& (== net452) (< net45)) (== netcoreapp2.1) (== netstandard2.0)
      System.Reflection.Emit (>= 4.3) - restriction: || (&& (== net452) (< net45) (>= netstandard1.6)) (== netcoreapp2.1) (== netstandard2.0)
      System.Reflection.Emit.ILGeneration (>= 4.3) - restriction: || (&& (== net45) (>= dnxcore50)) (&& (== net452) (>= dnxcore50)) (&& (== net452) (< net45) (>= netstandard1.6)) (== netcoreapp2.1) (== netstandard2.0)
      System.Reflection.Emit.Lightweight (>= 4.3) - restriction: || (&& (== net45) (>= dnxcore50)) (&& (== net452) (>= dnxcore50)) (&& (== net452) (< net45) (>= netstandard1.6)) (== netcoreapp2.1) (== netstandard2.0)
      System.Reflection.Extensions (>= 4.3) - restriction: || (&& (== net45) (>= dnxcore50)) (&& (== net452) (>= dnxcore50)) (&& (== net452) (< net45) (>= netstandard1.6)) (== netcoreapp2.1) (== netstandard2.0)
      System.Reflection.Primitives (>= 4.3) - restriction: || (&& (== net45) (>= dnxcore50)) (&& (== net452) (>= dnxcore50)) (&& (== net452) (< net45) (>= netstandard1.6)) (== netcoreapp2.1) (== netstandard2.0)
      System.Reflection.TypeExtensions (>= 4.3) - restriction: || (&& (== net45) (>= dnxcore50)) (&& (== net452) (>= dnxcore50)) (&& (== net452) (< net45) (>= netstandard1.6)) (== netcoreapp2.1) (== netstandard2.0)
      System.Resources.ResourceManager (>= 4.3) - restriction: || (&& (== net45) (>= dnxcore50)) (&& (== net452) (>= dnxcore50)) (&& (== net452) (< net45) (>= netstandard1.6)) (== netcoreapp2.1) (== netstandard2.0)
      System.Runtime (>= 4.3) - restriction: || (&& (== net45) (>= dnxcore50)) (&& (== net452) (>= dnxcore50)) (&& (== net452) (< net45)) (== netcoreapp2.1) (== netstandard2.0)
      System.Runtime.Extensions (>= 4.3) - restriction: || (&& (== net45) (>= dnxcore50)) (&& (== net452) (>= dnxcore50)) (&& (== net452) (< net45) (>= netstandard1.6)) (== netcoreapp2.1) (== netstandard2.0)
      System.Threading (>= 4.3) - restriction: || (&& (== net45) (>= dnxcore50)) (&& (== net452) (>= dnxcore50)) (&& (== net452) (< net45) (>= netstandard1.6)) (== netcoreapp2.1) (== netstandard2.0)
    System.Net.Http.WinHttpHandler (4.5.1) - restriction: || (&& (== net45) (>= netcoreapp2.0)) (&& (== net452) (>= netcoreapp2.0)) (== netcoreapp2.1) (&& (== netstandard2.0) (>= netcoreapp2.0))
    System.ObjectModel (4.3) - restriction: || (&& (== net45) (>= netcoreapp1.0)) (&& (== net452) (>= netcoreapp1.0)) (== netcoreapp2.1) (&& (== netstandard2.0) (>= netcoreapp1.0))
      System.Collections (>= 4.3) - restriction: || (&& (== net45) (>= dnxcore50)) (&& (== net452) (>= dnxcore50)) (&& (== net452) (< net45) (>= netstandard1.3)) (== netcoreapp2.1) (== netstandard2.0)
      System.Diagnostics.Debug (>= 4.3) - restriction: || (&& (== net45) (>= dnxcore50)) (&& (== net452) (>= dnxcore50)) (&& (== net452) (< net45) (>= netstandard1.3)) (== netcoreapp2.1) (== netstandard2.0)
      System.Resources.ResourceManager (>= 4.3) - restriction: || (&& (== net45) (>= dnxcore50)) (&& (== net452) (>= dnxcore50)) (&& (== net452) (< net45) (>= netstandard1.3)) (== netcoreapp2.1) (== netstandard2.0)
      System.Runtime (>= 4.3) - restriction: || (&& (== net45) (>= dnxcore50)) (&& (== net452) (>= dnxcore50)) (&& (== net452) (< net45)) (== netcoreapp2.1) (== netstandard2.0)
      System.Threading (>= 4.3) - restriction: || (&& (== net45) (>= dnxcore50)) (&& (== net452) (>= dnxcore50)) (&& (== net452) (< net45) (>= netstandard1.3)) (== netcoreapp2.1) (== netstandard2.0)
    System.Private.DataContractSerialization (4.3) - restriction: || (&& (== net45) (>= netcoreapp1.0)) (&& (== net452) (>= netcoreapp1.0)) (== netcoreapp2.1) (&& (== netstandard2.0) (>= netcoreapp1.0))
      System.Collections (>= 4.3) - restriction: || (&& (== net45) (>= dnxcore50)) (&& (== net45) (>= netstandard1.3)) (&& (== net452) (>= dnxcore50)) (&& (== net452) (>= netstandard1.3)) (== netcoreapp2.1) (== netstandard2.0)
      System.Collections.Concurrent (>= 4.3) - restriction: || (&& (== net45) (>= dnxcore50)) (&& (== net45) (>= netstandard1.3)) (&& (== net452) (>= dnxcore50)) (&& (== net452) (>= netstandard1.3)) (== netcoreapp2.1) (== netstandard2.0)
      System.Diagnostics.Debug (>= 4.3) - restriction: || (&& (== net45) (>= dnxcore50)) (&& (== net45) (>= netstandard1.3)) (&& (== net452) (>= dnxcore50)) (&& (== net452) (>= netstandard1.3)) (== netcoreapp2.1) (== netstandard2.0)
      System.Globalization (>= 4.3) - restriction: || (&& (== net45) (>= dnxcore50)) (&& (== net45) (>= netstandard1.3)) (&& (== net452) (>= dnxcore50)) (&& (== net452) (>= netstandard1.3)) (== netcoreapp2.1) (== netstandard2.0)
      System.IO (>= 4.3) - restriction: || (&& (== net45) (>= dnxcore50)) (&& (== net45) (>= netstandard1.3)) (&& (== net452) (>= dnxcore50)) (&& (== net452) (>= netstandard1.3)) (== netcoreapp2.1) (== netstandard2.0)
      System.Linq (>= 4.3) - restriction: || (&& (== net45) (>= dnxcore50)) (&& (== net45) (>= netstandard1.3)) (&& (== net452) (>= dnxcore50)) (&& (== net452) (>= netstandard1.3)) (== netcoreapp2.1) (== netstandard2.0)
      System.Reflection (>= 4.3) - restriction: || (&& (== net45) (>= dnxcore50)) (&& (== net45) (>= netstandard1.3)) (&& (== net452) (>= dnxcore50)) (&& (== net452) (>= netstandard1.3)) (== netcoreapp2.1) (== netstandard2.0)
      System.Reflection.Emit.ILGeneration (>= 4.3) - restriction: || (&& (== net45) (>= netstandard1.3)) (&& (== net452) (>= netstandard1.3)) (== netcoreapp2.1) (== netstandard2.0)
      System.Reflection.Emit.Lightweight (>= 4.3) - restriction: || (&& (== net45) (>= netstandard1.3)) (&& (== net452) (>= netstandard1.3)) (== netcoreapp2.1) (== netstandard2.0)
      System.Reflection.Extensions (>= 4.3) - restriction: || (&& (== net45) (>= dnxcore50)) (&& (== net45) (>= netstandard1.3)) (&& (== net452) (>= dnxcore50)) (&& (== net452) (>= netstandard1.3)) (== netcoreapp2.1) (== netstandard2.0)
      System.Reflection.Primitives (>= 4.3) - restriction: || (&& (== net45) (>= dnxcore50)) (&& (== net45) (>= netstandard1.3)) (&& (== net452) (>= dnxcore50)) (&& (== net452) (>= netstandard1.3)) (== netcoreapp2.1) (== netstandard2.0)
      System.Reflection.TypeExtensions (>= 4.3) - restriction: || (&& (== net45) (>= dnxcore50)) (&& (== net45) (>= net46)) (&& (== net45) (>= netstandard1.3)) (&& (== net452) (>= dnxcore50)) (&& (== net452) (>= net46)) (&& (== net452) (>= netstandard1.3)) (== netcoreapp2.1) (== netstandard2.0)
      System.Resources.ResourceManager (>= 4.3) - restriction: || (&& (== net45) (>= dnxcore50)) (&& (== net45) (>= netstandard1.3)) (&& (== net452) (>= dnxcore50)) (&& (== net452) (>= netstandard1.3)) (== netcoreapp2.1) (== netstandard2.0)
      System.Runtime (>= 4.3) - restriction: || (&& (== net45) (>= dnxcore50)) (&& (== net45) (>= netstandard1.3)) (&& (== net452) (>= dnxcore50)) (&& (== net452) (>= netstandard1.3)) (== netcoreapp2.1) (== netstandard2.0)
      System.Runtime.Extensions (>= 4.3) - restriction: || (&& (== net45) (>= dnxcore50)) (&& (== net45) (>= netstandard1.3)) (&& (== net452) (>= dnxcore50)) (&& (== net452) (>= netstandard1.3)) (== netcoreapp2.1) (== netstandard2.0)
      System.Runtime.Serialization.Primitives (>= 4.3) - restriction: || (&& (== net45) (>= dnxcore50)) (&& (== net45) (>= net46)) (&& (== net45) (>= netstandard1.3)) (&& (== net452) (>= dnxcore50)) (&& (== net452) (>= net46)) (&& (== net452) (>= netstandard1.3)) (== netcoreapp2.1) (== netstandard2.0)
      System.Text.Encoding (>= 4.3) - restriction: || (&& (== net45) (>= dnxcore50)) (&& (== net45) (>= netstandard1.3)) (&& (== net452) (>= dnxcore50)) (&& (== net452) (>= netstandard1.3)) (== netcoreapp2.1) (== netstandard2.0)
      System.Text.Encoding.Extensions (>= 4.3) - restriction: || (&& (== net45) (>= dnxcore50)) (&& (== net45) (>= netstandard1.3)) (&& (== net452) (>= dnxcore50)) (&& (== net452) (>= netstandard1.3)) (== netcoreapp2.1) (== netstandard2.0)
      System.Text.RegularExpressions (>= 4.3) - restriction: || (&& (== net45) (>= dnxcore50)) (&& (== net45) (>= netstandard1.3)) (&& (== net452) (>= dnxcore50)) (&& (== net452) (>= netstandard1.3)) (== netcoreapp2.1) (== netstandard2.0)
      System.Threading (>= 4.3) - restriction: || (&& (== net45) (>= dnxcore50)) (&& (== net45) (>= netstandard1.3)) (&& (== net452) (>= dnxcore50)) (&& (== net452) (>= netstandard1.3)) (== netcoreapp2.1) (== netstandard2.0)
      System.Threading.Tasks (>= 4.3) - restriction: || (&& (== net45) (>= dnxcore50)) (&& (== net45) (>= netstandard1.3)) (&& (== net452) (>= dnxcore50)) (&& (== net452) (>= netstandard1.3)) (== netcoreapp2.1) (== netstandard2.0)
      System.Xml.ReaderWriter (>= 4.3) - restriction: || (&& (== net45) (>= dnxcore50)) (&& (== net45) (>= netstandard1.3)) (&& (== net452) (>= dnxcore50)) (&& (== net452) (>= netstandard1.3)) (== netcoreapp2.1) (== netstandard2.0)
      System.Xml.XDocument (>= 4.3) - restriction: || (&& (== net45) (>= dnxcore50)) (&& (== net45) (>= netstandard1.3)) (&& (== net452) (>= dnxcore50)) (&& (== net452) (>= netstandard1.3)) (== netcoreapp2.1) (== netstandard2.0)
      System.Xml.XmlDocument (>= 4.3) - restriction: || (&& (== net45) (>= dnxcore50)) (&& (== net45) (>= net46)) (&& (== net45) (>= netstandard1.3)) (&& (== net452) (>= dnxcore50)) (&& (== net452) (>= net46)) (&& (== net452) (>= netstandard1.3)) (== netcoreapp2.1) (== netstandard2.0)
      System.Xml.XmlSerializer (>= 4.3) - restriction: || (&& (== net45) (>= dnxcore50)) (&& (== net45) (>= netstandard1.3)) (&& (== net452) (>= dnxcore50)) (&& (== net452) (>= netstandard1.3)) (== netcoreapp2.1) (== netstandard2.0)
    System.Reflection (4.3) - restriction: || (&& (== net45) (>= netcoreapp1.0)) (&& (== net452) (>= netcoreapp1.0)) (== netcoreapp2.1) (&& (== netstandard2.0) (>= netcoreapp1.0))
      Microsoft.NETCore.Platforms (>= 1.1) - restriction: || (&& (== net45) (>= dnxcore50)) (&& (== net452) (>= dnxcore50)) (&& (== net452) (< net45)) (== netcoreapp2.1) (== netstandard2.0)
      Microsoft.NETCore.Targets (>= 1.1) - restriction: || (&& (== net45) (>= dnxcore50)) (&& (== net452) (>= dnxcore50)) (&& (== net452) (< net45)) (== netcoreapp2.1) (== netstandard2.0)
      System.IO (>= 4.3) - restriction: || (&& (== net45) (>= dnxcore50)) (&& (== net452) (>= dnxcore50)) (&& (== net452) (< net45)) (== netcoreapp2.1) (== netstandard2.0)
      System.Reflection.Primitives (>= 4.3) - restriction: || (&& (== net45) (>= dnxcore50)) (&& (== net452) (>= dnxcore50)) (&& (== net452) (< net45)) (== netcoreapp2.1) (== netstandard2.0)
      System.Runtime (>= 4.3) - restriction: || (&& (== net45) (>= dnxcore50)) (&& (== net452) (>= dnxcore50)) (&& (== net452) (< net45)) (== netcoreapp2.1) (== netstandard2.0)
    System.Reflection.Emit (4.3) - restriction: || (&& (== net45) (>= netcoreapp2.0)) (&& (== net452) (>= netcoreapp2.0)) (== netcoreapp2.1) (&& (== netstandard2.0) (>= netcoreapp2.0))
      System.IO (>= 4.3) - restriction: || (&& (== net452) (< net45)) (== netcoreapp2.1) (== netstandard2.0)
      System.Reflection (>= 4.3) - restriction: || (&& (== net452) (< net45)) (== netcoreapp2.1) (== netstandard2.0)
      System.Reflection.Emit.ILGeneration (>= 4.3) - restriction: || (&& (== net452) (< net45)) (== netcoreapp2.1) (== netstandard2.0)
      System.Reflection.Primitives (>= 4.3) - restriction: || (&& (== net452) (< net45)) (== netcoreapp2.1) (== netstandard2.0)
      System.Runtime (>= 4.3) - restriction: || (&& (== net452) (< net45)) (== netcoreapp2.1) (== netstandard2.0)
    System.Reflection.Emit.ILGeneration (4.3) - restriction: || (&& (== net45) (>= netcoreapp2.0)) (&& (== net452) (>= netcoreapp2.0)) (== netcoreapp2.1) (&& (== netstandard2.0) (>= netcoreapp2.0))
      System.Reflection (>= 4.3) - restriction: || (&& (== net452) (< net45)) (== netcoreapp2.1) (== netstandard2.0)
      System.Reflection.Primitives (>= 4.3) - restriction: || (&& (== net452) (< net45)) (== netcoreapp2.1) (== netstandard2.0)
      System.Runtime (>= 4.3) - restriction: || (&& (== net452) (< net45)) (== netcoreapp2.1) (== netstandard2.0)
    System.Reflection.Emit.Lightweight (4.3) - restriction: || (&& (== net45) (>= netcoreapp1.0)) (&& (== net452) (>= netcoreapp1.0)) (== netcoreapp2.1) (&& (== netstandard2.0) (>= netcoreapp1.0))
      System.Reflection (>= 4.3) - restriction: || (&& (== net452) (< net45)) (== netcoreapp2.1) (== netstandard2.0)
      System.Reflection.Emit.ILGeneration (>= 4.3) - restriction: || (&& (== net452) (< net45)) (== netcoreapp2.1) (== netstandard2.0)
      System.Reflection.Primitives (>= 4.3) - restriction: || (&& (== net452) (< net45)) (== netcoreapp2.1) (== netstandard2.0)
      System.Runtime (>= 4.3) - restriction: || (&& (== net452) (< net45)) (== netcoreapp2.1) (== netstandard2.0)
    System.Reflection.Extensions (4.3) - restriction: || (&& (== net45) (>= netcoreapp1.0)) (&& (== net452) (>= netcoreapp1.0)) (== netcoreapp2.1) (&& (== netstandard2.0) (>= netcoreapp1.0))
      Microsoft.NETCore.Platforms (>= 1.1) - restriction: || (&& (== net45) (>= dnxcore50)) (&& (== net452) (>= dnxcore50)) (&& (== net452) (< net45)) (== netcoreapp2.1) (== netstandard2.0)
      Microsoft.NETCore.Targets (>= 1.1) - restriction: || (&& (== net45) (>= dnxcore50)) (&& (== net452) (>= dnxcore50)) (&& (== net452) (< net45)) (== netcoreapp2.1) (== netstandard2.0)
      System.Reflection (>= 4.3) - restriction: || (&& (== net45) (>= dnxcore50)) (&& (== net452) (>= dnxcore50)) (&& (== net452) (< net45)) (== netcoreapp2.1) (== netstandard2.0)
      System.Runtime (>= 4.3) - restriction: || (&& (== net45) (>= dnxcore50)) (&& (== net452) (>= dnxcore50)) (&& (== net452) (< net45)) (== netcoreapp2.1) (== netstandard2.0)
    System.Reflection.Metadata (1.6) - restriction: || (&& (== net45) (>= netcoreapp2.0)) (&& (== net452) (>= netcoreapp2.0)) (== netcoreapp2.1) (&& (== netstandard2.0) (>= netcoreapp2.0))
    System.Reflection.Primitives (4.3) - restriction: || (&& (== net45) (>= netcoreapp1.0)) (&& (== net452) (>= netcoreapp1.0)) (== netcoreapp2.1) (&& (== netstandard2.0) (>= netcoreapp1.0))
      Microsoft.NETCore.Platforms (>= 1.1) - restriction: || (&& (== net45) (>= dnxcore50)) (&& (== net452) (>= dnxcore50)) (&& (== net452) (< net45)) (== netcoreapp2.1) (== netstandard2.0)
      Microsoft.NETCore.Targets (>= 1.1) - restriction: || (&& (== net45) (>= dnxcore50)) (&& (== net452) (>= dnxcore50)) (&& (== net452) (< net45)) (== netcoreapp2.1) (== netstandard2.0)
      System.Runtime (>= 4.3) - restriction: || (&& (== net45) (>= dnxcore50)) (&& (== net452) (>= dnxcore50)) (&& (== net452) (< net45)) (== netcoreapp2.1) (== netstandard2.0)
    System.Reflection.TypeExtensions (4.5.1) - restriction: || (&& (== net45) (>= netcoreapp1.0)) (&& (== net452) (>= netcoreapp1.0)) (== netcoreapp2.1) (&& (== netstandard2.0) (>= netcoreapp1.0))
    System.Resources.ResourceManager (4.3) - restriction: || (&& (== net45) (>= netcoreapp1.0)) (&& (== net452) (>= netcoreapp1.0)) (== netcoreapp2.1) (&& (== netstandard2.0) (>= netcoreapp1.0))
      Microsoft.NETCore.Platforms (>= 1.1) - restriction: || (&& (== net45) (>= dnxcore50)) (&& (== net452) (>= dnxcore50)) (&& (== net452) (< net45)) (== netcoreapp2.1) (== netstandard2.0)
      Microsoft.NETCore.Targets (>= 1.1) - restriction: || (&& (== net45) (>= dnxcore50)) (&& (== net452) (>= dnxcore50)) (&& (== net452) (< net45)) (== netcoreapp2.1) (== netstandard2.0)
      System.Globalization (>= 4.3) - restriction: || (&& (== net45) (>= dnxcore50)) (&& (== net452) (>= dnxcore50)) (&& (== net452) (< net45)) (== netcoreapp2.1) (== netstandard2.0)
      System.Reflection (>= 4.3) - restriction: || (&& (== net45) (>= dnxcore50)) (&& (== net452) (>= dnxcore50)) (&& (== net452) (< net45)) (== netcoreapp2.1) (== netstandard2.0)
      System.Runtime (>= 4.3) - restriction: || (&& (== net45) (>= dnxcore50)) (&& (== net452) (>= dnxcore50)) (&& (== net452) (< net45)) (== netcoreapp2.1) (== netstandard2.0)
    System.Runtime (4.3) - restriction: || (&& (== net45) (>= netcoreapp1.0)) (&& (== net452) (>= dnxcore50)) (&& (== net452) (< net45)) (&& (== net452) (>= netcoreapp1.0)) (== netcoreapp2.1) (== netstandard2.0)
      Microsoft.NETCore.Platforms (>= 1.1) - restriction: || (&& (== net45) (>= dnxcore50)) (&& (== net452) (>= dnxcore50)) (&& (== net452) (< net45)) (== netcoreapp2.1) (== netstandard2.0)
      Microsoft.NETCore.Targets (>= 1.1) - restriction: || (&& (== net45) (>= dnxcore50)) (&& (== net452) (>= dnxcore50)) (&& (== net452) (< net45)) (== netcoreapp2.1) (== netstandard2.0)
    System.Runtime.Extensions (4.3) - restriction: || (&& (== net45) (>= netcoreapp1.0)) (&& (== net452) (>= netcoreapp1.0)) (== netcoreapp2.1) (&& (== netstandard2.0) (>= netcoreapp1.0))
      Microsoft.NETCore.Platforms (>= 1.1) - restriction: || (&& (== net45) (>= dnxcore50)) (&& (== net452) (>= dnxcore50)) (&& (== net452) (< net45)) (== netcoreapp2.1) (== netstandard2.0)
      Microsoft.NETCore.Targets (>= 1.1) - restriction: || (&& (== net45) (>= dnxcore50)) (&& (== net452) (>= dnxcore50)) (&& (== net452) (< net45)) (== netcoreapp2.1) (== netstandard2.0)
      System.Runtime (>= 4.3) - restriction: || (&& (== net45) (>= dnxcore50)) (&& (== net452) (>= dnxcore50)) (&& (== net452) (< net45)) (== netcoreapp2.1) (== netstandard2.0)
    System.Runtime.Handles (4.3) - restriction: || (&& (== net45) (>= netcoreapp1.0)) (&& (== net452) (>= netcoreapp1.0)) (== netcoreapp2.1) (&& (== netstandard2.0) (>= netcoreapp1.0))
      Microsoft.NETCore.Platforms (>= 1.1) - restriction: || (&& (== net45) (>= netstandard1.3)) (&& (== net452) (>= netstandard1.3)) (== netcoreapp2.1) (== netstandard2.0)
      Microsoft.NETCore.Targets (>= 1.1) - restriction: || (&& (== net45) (>= netstandard1.3)) (&& (== net452) (>= netstandard1.3)) (== netcoreapp2.1) (== netstandard2.0)
      System.Runtime (>= 4.3) - restriction: || (&& (== net45) (>= netstandard1.3)) (&& (== net452) (>= netstandard1.3)) (== netcoreapp2.1) (== netstandard2.0)
    System.Runtime.InteropServices (4.3) - restriction: || (&& (== net45) (>= netcoreapp1.0)) (&& (== net452) (>= netcoreapp1.0)) (== netcoreapp2.1) (&& (== netstandard2.0) (>= netcoreapp1.0))
      Microsoft.NETCore.Platforms (>= 1.1) - restriction: || (&& (== net45) (>= dnxcore50)) (&& (== net45) (>= netcoreapp1.1)) (&& (== net452) (>= dnxcore50)) (&& (== net452) (< net45)) (&& (== net452) (>= netcoreapp1.1)) (== netcoreapp2.1) (== netstandard2.0)
      Microsoft.NETCore.Targets (>= 1.1) - restriction: || (&& (== net45) (>= dnxcore50)) (&& (== net45) (>= netcoreapp1.1)) (&& (== net452) (>= dnxcore50)) (&& (== net452) (< net45)) (&& (== net452) (>= netcoreapp1.1)) (== netcoreapp2.1) (== netstandard2.0)
      System.Reflection (>= 4.3) - restriction: || (&& (== net45) (>= dnxcore50)) (&& (== net45) (>= netcoreapp1.1)) (&& (== net452) (>= dnxcore50)) (&& (== net452) (< net45)) (&& (== net452) (>= netcoreapp1.1)) (== netcoreapp2.1) (== netstandard2.0)
      System.Reflection.Primitives (>= 4.3) - restriction: || (&& (== net45) (>= dnxcore50)) (&& (== net45) (>= netcoreapp1.1)) (&& (== net452) (>= dnxcore50)) (&& (== net452) (< net45)) (&& (== net452) (>= netcoreapp1.1)) (== netcoreapp2.1) (== netstandard2.0)
      System.Runtime (>= 4.3) - restriction: || (&& (== net45) (>= dnxcore50)) (&& (== net45) (>= net462)) (&& (== net45) (>= netcoreapp1.1)) (&& (== net452) (>= dnxcore50)) (&& (== net452) (< net45)) (&& (== net452) (>= net462)) (&& (== net452) (>= netcoreapp1.1)) (== netcoreapp2.1) (== netstandard2.0)
      System.Runtime.Handles (>= 4.3) - restriction: || (&& (== net45) (>= dnxcore50)) (&& (== net45) (>= netcoreapp1.1)) (&& (== net452) (>= dnxcore50)) (&& (== net452) (< net45) (>= netstandard1.3)) (&& (== net452) (< net45) (>= netstandard1.5)) (&& (== net452) (>= netcoreapp1.1)) (== netcoreapp2.1) (== netstandard2.0)
    System.Runtime.InteropServices.RuntimeInformation (4.3) - restriction: || (&& (== net45) (>= netcoreapp1.0)) (&& (== net452) (>= netcoreapp1.0)) (== netcoreapp2.1) (&& (== netstandard2.0) (>= netcoreapp1.0))
      runtime.native.System (>= 4.3) - restriction: || (&& (== net452) (< net45)) (== netcoreapp2.1) (== netstandard2.0)
      System.Reflection (>= 4.3) - restriction: || (&& (== net45) (>= dnxcore50)) (&& (== net452) (>= dnxcore50)) (&& (== net452) (< net45)) (== netcoreapp2.1) (== netstandard2.0)
      System.Reflection.Extensions (>= 4.3) - restriction: || (&& (== net45) (>= dnxcore50)) (&& (== net452) (>= dnxcore50)) (&& (== net452) (< net45)) (== netcoreapp2.1) (== netstandard2.0)
      System.Resources.ResourceManager (>= 4.3) - restriction: || (&& (== net45) (>= dnxcore50)) (&& (== net452) (>= dnxcore50)) (&& (== net452) (< net45)) (== netcoreapp2.1) (== netstandard2.0)
      System.Runtime (>= 4.3) - restriction: || (&& (== net45) (>= dnxcore50)) (&& (== net452) (>= dnxcore50)) (&& (== net452) (< net45)) (== netcoreapp2.1) (== netstandard2.0)
      System.Runtime.InteropServices (>= 4.3) - restriction: || (&& (== net452) (< net45)) (== netcoreapp2.1) (== netstandard2.0)
      System.Threading (>= 4.3) - restriction: || (&& (== net45) (>= dnxcore50)) (&& (== net452) (>= dnxcore50)) (&& (== net452) (< net45)) (== netcoreapp2.1) (== netstandard2.0)
    System.Runtime.Loader (4.3) - restriction: || (&& (== net45) (>= netcoreapp2.0)) (&& (== net452) (>= netcoreapp2.0)) (== netcoreapp2.1) (&& (== netstandard2.0) (>= netcoreapp2.0))
      System.IO (>= 4.3) - restriction: || (&& (== net45) (>= netstandard1.5)) (&& (== net452) (>= netstandard1.5)) (== netcoreapp2.1) (== netstandard2.0)
      System.Reflection (>= 4.3) - restriction: || (&& (== net45) (>= netstandard1.5)) (&& (== net452) (>= netstandard1.5)) (== netcoreapp2.1) (== netstandard2.0)
      System.Runtime (>= 4.3) - restriction: || (&& (== net45) (>= netstandard1.5)) (&& (== net452) (>= netstandard1.5)) (== netcoreapp2.1) (== netstandard2.0)
    System.Runtime.Numerics (4.3) - restriction: || (&& (== net45) (>= netcoreapp2.0)) (&& (== net452) (>= netcoreapp2.0)) (== netcoreapp2.1) (&& (== netstandard2.0) (>= netcoreapp2.0))
      System.Globalization (>= 4.3) - restriction: || (&& (== net45) (>= dnxcore50)) (&& (== net452) (>= dnxcore50)) (&& (== net452) (< net45) (>= netstandard1.3)) (== netcoreapp2.1) (== netstandard2.0)
      System.Resources.ResourceManager (>= 4.3) - restriction: || (&& (== net45) (>= dnxcore50)) (&& (== net452) (>= dnxcore50)) (&& (== net452) (< net45) (>= netstandard1.3)) (== netcoreapp2.1) (== netstandard2.0)
      System.Runtime (>= 4.3) - restriction: || (&& (== net45) (>= dnxcore50)) (&& (== net452) (>= dnxcore50)) (&& (== net452) (< net45)) (== netcoreapp2.1) (== netstandard2.0)
      System.Runtime.Extensions (>= 4.3) - restriction: || (&& (== net45) (>= dnxcore50)) (&& (== net452) (>= dnxcore50)) (&& (== net452) (< net45) (>= netstandard1.3)) (== netcoreapp2.1) (== netstandard2.0)
    System.Runtime.Serialization.Json (4.3) - restriction: || (&& (== net45) (>= netcoreapp1.0)) (&& (== net452) (>= netcoreapp1.0)) (== netcoreapp2.1) (&& (== netstandard2.0) (>= netcoreapp1.0))
      System.IO (>= 4.3) - restriction: || (&& (== net45) (>= dnxcore50)) (&& (== net452) (>= dnxcore50)) (&& (== net452) (< net45)) (== netcoreapp2.1) (== netstandard2.0)
      System.Private.DataContractSerialization (>= 4.3) - restriction: || (&& (== net45) (>= dnxcore50)) (&& (== net452) (>= dnxcore50)) (&& (== net452) (< net45) (>= netstandard1.3)) (== netcoreapp2.1) (== netstandard2.0)
      System.Runtime (>= 4.3) - restriction: || (&& (== net45) (>= dnxcore50)) (&& (== net452) (>= dnxcore50)) (&& (== net452) (< net45)) (== netcoreapp2.1) (== netstandard2.0)
    System.Runtime.Serialization.Primitives (4.3) - restriction: || (&& (== net45) (>= netcoreapp1.0)) (&& (== net452) (>= netcoreapp1.0)) (== netcoreapp2.1) (&& (== netstandard2.0) (>= netcoreapp1.0))
      System.Resources.ResourceManager (>= 4.3) - restriction: || (&& (== net45) (>= dnxcore50)) (&& (== net452) (>= dnxcore50)) (&& (== net452) (< net45) (>= netstandard1.3)) (== netcoreapp2.1) (== netstandard2.0)
      System.Runtime (>= 4.3) - restriction: || (&& (== net45) (>= dnxcore50)) (&& (== net452) (>= dnxcore50)) (&& (== net452) (< net45)) (== netcoreapp2.1) (== netstandard2.0)
    System.Security.AccessControl (4.5) - restriction: || (&& (== net45) (>= monoandroid) (>= netcoreapp1.0)) (&& (== net45) (>= monotouch) (>= netcoreapp1.0)) (&& (== net45) (>= net461) (>= netcoreapp1.0)) (&& (== net45) (>= netcoreapp1.0) (>= netstandard2.0)) (&& (== net45) (>= netcoreapp1.0) (>= xamarinios)) (&& (== net45) (>= netcoreapp1.0) (>= xamarinmac)) (&& (== net45) (>= netcoreapp1.0) (>= xamarintvos)) (&& (== net45) (>= netcoreapp1.0) (>= xamarinwatchos)) (&& (== net45) (>= netcoreapp2.0)) (&& (== net452) (>= monoandroid) (>= netcoreapp1.0)) (&& (== net452) (>= monotouch) (>= netcoreapp1.0)) (&& (== net452) (>= net461) (>= netcoreapp1.0)) (&& (== net452) (>= netcoreapp1.0) (>= netstandard2.0)) (&& (== net452) (>= netcoreapp1.0) (>= xamarinios)) (&& (== net452) (>= netcoreapp1.0) (>= xamarinmac)) (&& (== net452) (>= netcoreapp1.0) (>= xamarintvos)) (&& (== net452) (>= netcoreapp1.0) (>= xamarinwatchos)) (&& (== net452) (>= netcoreapp2.0)) (== netcoreapp2.1) (&& (== netstandard2.0) (>= netcoreapp1.0)) (&& (== netstandard2.0) (>= netcoreapp2.0))
      Microsoft.NETCore.Platforms (>= 2.0) - restriction: || (&& (== net45) (>= netcoreapp2.0)) (&& (== net452) (>= netcoreapp2.0)) (== netcoreapp2.1) (&& (== netstandard2.0) (>= netcoreapp2.0))
      System.Security.Principal.Windows (>= 4.5) - restriction: || (&& (== net45) (>= net461)) (&& (== net45) (>= netcoreapp2.0)) (&& (== net45) (>= netstandard2.0)) (&& (== net452) (>= net461)) (&& (== net452) (>= netcoreapp2.0)) (&& (== net452) (>= netstandard2.0)) (== netcoreapp2.1) (== netstandard2.0)
    System.Security.Cryptography.Algorithms (4.3.1) - restriction: || (&& (== net45) (>= netcoreapp2.0)) (&& (== net452) (>= netcoreapp2.0)) (== netcoreapp2.1) (&& (== netstandard2.0) (>= netcoreapp2.0))
      Microsoft.NETCore.Platforms (>= 1.1) - restriction: || (&& (== net45) (>= dnxcore50)) (&& (== net45) (>= netstandard1.6)) (&& (== net452) (>= dnxcore50)) (&& (== net452) (>= netstandard1.6)) (== netcoreapp2.1) (== netstandard2.0)
      runtime.native.System.Security.Cryptography.Apple (>= 4.3.1) - restriction: || (&& (== net45) (>= netstandard1.6)) (&& (== net452) (>= netstandard1.6)) (== netcoreapp2.1) (== netstandard2.0)
      runtime.native.System.Security.Cryptography.OpenSsl (>= 4.3.2) - restriction: || (&& (== net45) (>= netstandard1.6)) (&& (== net452) (>= netstandard1.6)) (== netcoreapp2.1) (== netstandard2.0)
      System.Collections (>= 4.3) - restriction: || (&& (== net45) (>= netstandard1.6)) (&& (== net452) (>= netstandard1.6)) (== netcoreapp2.1) (== netstandard2.0)
      System.IO (>= 4.3) - restriction: || (&& (== net45) (>= dnxcore50)) (&& (== net45) (>= net463)) (&& (== net45) (>= netstandard1.3)) (&& (== net45) (>= netstandard1.4)) (&& (== net45) (>= netstandard1.6)) (&& (== net452) (>= dnxcore50)) (&& (== net452) (>= net463)) (&& (== net452) (>= netstandard1.3)) (&& (== net452) (>= netstandard1.4)) (&& (== net452) (>= netstandard1.6)) (== netcoreapp2.1) (== netstandard2.0)
      System.Resources.ResourceManager (>= 4.3) - restriction: || (&& (== net45) (>= dnxcore50)) (&& (== net45) (>= netstandard1.6)) (&& (== net452) (>= dnxcore50)) (&& (== net452) (>= netstandard1.6)) (== netcoreapp2.1) (== netstandard2.0)
      System.Runtime (>= 4.3) - restriction: || (&& (== net45) (>= dnxcore50)) (&& (== net45) (>= net463)) (&& (== net45) (>= netstandard1.3)) (&& (== net45) (>= netstandard1.4)) (&& (== net45) (>= netstandard1.6)) (&& (== net452) (>= dnxcore50)) (&& (== net452) (>= net463)) (&& (== net452) (>= netstandard1.3)) (&& (== net452) (>= netstandard1.4)) (&& (== net452) (>= netstandard1.6)) (== netcoreapp2.1) (== netstandard2.0)
      System.Runtime.Extensions (>= 4.3) - restriction: || (&& (== net45) (>= dnxcore50)) (&& (== net45) (>= netstandard1.6)) (&& (== net452) (>= dnxcore50)) (&& (== net452) (>= netstandard1.6)) (== netcoreapp2.1) (== netstandard2.0)
      System.Runtime.Handles (>= 4.3) - restriction: || (&& (== net45) (>= dnxcore50)) (&& (== net45) (>= netstandard1.6)) (&& (== net452) (>= dnxcore50)) (&& (== net452) (>= netstandard1.6)) (== netcoreapp2.1) (== netstandard2.0)
      System.Runtime.InteropServices (>= 4.3) - restriction: || (&& (== net45) (>= dnxcore50)) (&& (== net45) (>= netstandard1.6)) (&& (== net452) (>= dnxcore50)) (&& (== net452) (>= netstandard1.6)) (== netcoreapp2.1) (== netstandard2.0)
      System.Runtime.Numerics (>= 4.3) - restriction: || (&& (== net45) (>= netstandard1.6)) (&& (== net452) (>= netstandard1.6)) (== netcoreapp2.1) (== netstandard2.0)
      System.Security.Cryptography.Encoding (>= 4.3) - restriction: || (&& (== net45) (>= dnxcore50)) (&& (== net45) (>= net463)) (&& (== net45) (>= netstandard1.6)) (&& (== net452) (>= dnxcore50)) (&& (== net452) (>= net463)) (&& (== net452) (>= netstandard1.6)) (== netcoreapp2.1) (== netstandard2.0)
      System.Security.Cryptography.Primitives (>= 4.3) - restriction: || (&& (== net45) (>= dnxcore50)) (&& (== net45) (>= net46)) (&& (== net45) (>= net461)) (&& (== net45) (>= net463)) (&& (== net45) (>= netstandard1.3)) (&& (== net45) (>= netstandard1.4)) (&& (== net45) (>= netstandard1.6)) (&& (== net452) (>= dnxcore50)) (&& (== net452) (>= net46)) (&& (== net452) (>= net461)) (&& (== net452) (>= net463)) (&& (== net452) (>= netstandard1.3)) (&& (== net452) (>= netstandard1.4)) (&& (== net452) (>= netstandard1.6)) (== netcoreapp2.1) (== netstandard2.0)
      System.Text.Encoding (>= 4.3) - restriction: || (&& (== net45) (>= dnxcore50)) (&& (== net45) (>= netstandard1.6)) (&& (== net452) (>= dnxcore50)) (&& (== net452) (>= netstandard1.6)) (== netcoreapp2.1) (== netstandard2.0)
    System.Security.Cryptography.Csp (4.3) - restriction: || (&& (== net45) (>= netcoreapp2.0)) (&& (== net452) (>= netcoreapp2.0)) (== netcoreapp2.1) (&& (== netstandard2.0) (>= netcoreapp2.0))
      Microsoft.NETCore.Platforms (>= 1.1) - restriction: || (&& (== net45) (>= netstandard1.3)) (&& (== net452) (>= netstandard1.3)) (== netcoreapp2.1) (== netstandard2.0)
      System.IO (>= 4.3) - restriction: || (&& (== net45) (>= netstandard1.3)) (&& (== net452) (>= netstandard1.3)) (== netcoreapp2.1) (== netstandard2.0)
      System.Reflection (>= 4.3) - restriction: || (&& (== net45) (>= netstandard1.3)) (&& (== net452) (>= netstandard1.3)) (== netcoreapp2.1) (== netstandard2.0)
      System.Resources.ResourceManager (>= 4.3) - restriction: || (&& (== net45) (>= netstandard1.3)) (&& (== net452) (>= netstandard1.3)) (== netcoreapp2.1) (== netstandard2.0)
      System.Runtime (>= 4.3) - restriction: || (&& (== net45) (>= netstandard1.3)) (&& (== net452) (>= netstandard1.3)) (== netcoreapp2.1) (== netstandard2.0)
      System.Runtime.Extensions (>= 4.3) - restriction: || (&& (== net45) (>= netstandard1.3)) (&& (== net452) (>= netstandard1.3)) (== netcoreapp2.1) (== netstandard2.0)
      System.Runtime.Handles (>= 4.3) - restriction: || (&& (== net45) (>= netstandard1.3)) (&& (== net452) (>= netstandard1.3)) (== netcoreapp2.1) (== netstandard2.0)
      System.Runtime.InteropServices (>= 4.3) - restriction: || (&& (== net45) (>= netstandard1.3)) (&& (== net452) (>= netstandard1.3)) (== netcoreapp2.1) (== netstandard2.0)
      System.Security.Cryptography.Algorithms (>= 4.3) - restriction: || (&& (== net45) (>= net46)) (&& (== net45) (>= netstandard1.3)) (&& (== net452) (>= net46)) (&& (== net452) (>= netstandard1.3)) (== netcoreapp2.1) (== netstandard2.0)
      System.Security.Cryptography.Encoding (>= 4.3) - restriction: || (&& (== net45) (>= netstandard1.3)) (&& (== net452) (>= netstandard1.3)) (== netcoreapp2.1) (== netstandard2.0)
      System.Security.Cryptography.Primitives (>= 4.3) - restriction: || (&& (== net45) (>= net46)) (&& (== net45) (>= netstandard1.3)) (&& (== net452) (>= net46)) (&& (== net452) (>= netstandard1.3)) (== netcoreapp2.1) (== netstandard2.0)
      System.Text.Encoding (>= 4.3) - restriction: || (&& (== net45) (>= netstandard1.3)) (&& (== net452) (>= netstandard1.3)) (== netcoreapp2.1) (== netstandard2.0)
      System.Threading (>= 4.3) - restriction: || (&& (== net45) (>= netstandard1.3)) (&& (== net452) (>= netstandard1.3)) (== netcoreapp2.1) (== netstandard2.0)
    System.Security.Cryptography.Encoding (4.3) - restriction: || (&& (== net45) (>= netcoreapp2.0)) (&& (== net452) (>= netcoreapp2.0)) (== netcoreapp2.1) (&& (== netstandard2.0) (>= netcoreapp2.0))
      Microsoft.NETCore.Platforms (>= 1.1) - restriction: || (&& (== net45) (>= netstandard1.3)) (&& (== net452) (>= netstandard1.3)) (== netcoreapp2.1) (== netstandard2.0)
      runtime.native.System.Security.Cryptography.OpenSsl (>= 4.3) - restriction: || (&& (== net45) (>= netstandard1.3)) (&& (== net452) (>= netstandard1.3)) (== netcoreapp2.1) (== netstandard2.0)
      System.Collections (>= 4.3) - restriction: || (&& (== net45) (>= netstandard1.3)) (&& (== net452) (>= netstandard1.3)) (== netcoreapp2.1) (== netstandard2.0)
      System.Collections.Concurrent (>= 4.3) - restriction: || (&& (== net45) (>= netstandard1.3)) (&& (== net452) (>= netstandard1.3)) (== netcoreapp2.1) (== netstandard2.0)
      System.Linq (>= 4.3) - restriction: || (&& (== net45) (>= netstandard1.3)) (&& (== net452) (>= netstandard1.3)) (== netcoreapp2.1) (== netstandard2.0)
      System.Resources.ResourceManager (>= 4.3) - restriction: || (&& (== net45) (>= netstandard1.3)) (&& (== net452) (>= netstandard1.3)) (== netcoreapp2.1) (== netstandard2.0)
      System.Runtime (>= 4.3) - restriction: || (&& (== net45) (>= netstandard1.3)) (&& (== net452) (>= netstandard1.3)) (== netcoreapp2.1) (== netstandard2.0)
      System.Runtime.Extensions (>= 4.3) - restriction: || (&& (== net45) (>= netstandard1.3)) (&& (== net452) (>= netstandard1.3)) (== netcoreapp2.1) (== netstandard2.0)
      System.Runtime.Handles (>= 4.3) - restriction: || (&& (== net45) (>= netstandard1.3)) (&& (== net452) (>= netstandard1.3)) (== netcoreapp2.1) (== netstandard2.0)
      System.Runtime.InteropServices (>= 4.3) - restriction: || (&& (== net45) (>= netstandard1.3)) (&& (== net452) (>= netstandard1.3)) (== netcoreapp2.1) (== netstandard2.0)
      System.Security.Cryptography.Primitives (>= 4.3) - restriction: || (&& (== net45) (>= netstandard1.3)) (&& (== net452) (>= netstandard1.3)) (== netcoreapp2.1) (== netstandard2.0)
      System.Text.Encoding (>= 4.3) - restriction: || (&& (== net45) (>= netstandard1.3)) (&& (== net452) (>= netstandard1.3)) (== netcoreapp2.1) (== netstandard2.0)
    System.Security.Cryptography.Primitives (4.3) - restriction: || (&& (== net45) (>= netcoreapp2.0)) (&& (== net452) (>= netcoreapp2.0)) (== netcoreapp2.1) (&& (== netstandard2.0) (>= netcoreapp2.0))
      System.Diagnostics.Debug (>= 4.3) - restriction: || (&& (== net45) (>= netstandard1.3)) (&& (== net452) (>= netstandard1.3)) (== netcoreapp2.1) (== netstandard2.0)
      System.Globalization (>= 4.3) - restriction: || (&& (== net45) (>= netstandard1.3)) (&& (== net452) (>= netstandard1.3)) (== netcoreapp2.1) (== netstandard2.0)
      System.IO (>= 4.3) - restriction: || (&& (== net45) (>= netstandard1.3)) (&& (== net452) (>= netstandard1.3)) (== netcoreapp2.1) (== netstandard2.0)
      System.Resources.ResourceManager (>= 4.3) - restriction: || (&& (== net45) (>= netstandard1.3)) (&& (== net452) (>= netstandard1.3)) (== netcoreapp2.1) (== netstandard2.0)
      System.Runtime (>= 4.3) - restriction: || (&& (== net45) (>= netstandard1.3)) (&& (== net452) (>= netstandard1.3)) (== netcoreapp2.1) (== netstandard2.0)
      System.Threading (>= 4.3) - restriction: || (&& (== net45) (>= netstandard1.3)) (&& (== net452) (>= netstandard1.3)) (== netcoreapp2.1) (== netstandard2.0)
      System.Threading.Tasks (>= 4.3) - restriction: || (&& (== net45) (>= netstandard1.3)) (&& (== net452) (>= netstandard1.3)) (== netcoreapp2.1) (== netstandard2.0)
    System.Security.Cryptography.ProtectedData (4.5) - restriction: || (&& (== net45) (>= netcoreapp2.0)) (&& (== net452) (>= netcoreapp2.0)) (== netcoreapp2.1) (&& (== netstandard2.0) (>= netcoreapp2.0))
    System.Security.Principal.Windows (4.5.1) - restriction: || (&& (== net45) (>= monoandroid) (>= netcoreapp1.0)) (&& (== net45) (>= monotouch) (>= netcoreapp1.0)) (&& (== net45) (>= net461) (>= netcoreapp1.0)) (&& (== net45) (>= netcoreapp1.0) (>= netstandard2.0)) (&& (== net45) (>= netcoreapp1.0) (>= xamarinios)) (&& (== net45) (>= netcoreapp1.0) (>= xamarinmac)) (&& (== net45) (>= netcoreapp1.0) (>= xamarintvos)) (&& (== net45) (>= netcoreapp1.0) (>= xamarinwatchos)) (&& (== net45) (>= netcoreapp2.0)) (&& (== net452) (>= monoandroid) (>= netcoreapp1.0)) (&& (== net452) (>= monotouch) (>= netcoreapp1.0)) (&& (== net452) (>= net461) (>= netcoreapp1.0)) (&& (== net452) (>= netcoreapp1.0) (>= netstandard2.0)) (&& (== net452) (>= netcoreapp1.0) (>= xamarinios)) (&& (== net452) (>= netcoreapp1.0) (>= xamarinmac)) (&& (== net452) (>= netcoreapp1.0) (>= xamarintvos)) (&& (== net452) (>= netcoreapp1.0) (>= xamarinwatchos)) (&& (== net452) (>= netcoreapp2.0)) (== netcoreapp2.1) (&& (== netstandard2.0) (>= netcoreapp1.0)) (&& (== netstandard2.0) (>= netcoreapp2.0))
      Microsoft.NETCore.Platforms (>= 2.0) - restriction: || (&& (== net45) (>= netcoreapp2.0)) (&& (== net452) (>= netcoreapp2.0)) (== netcoreapp2.1) (&& (== netstandard2.0) (>= netcoreapp2.0))
    System.Text.Encoding (4.3) - restriction: || (&& (== net45) (>= netcoreapp1.0)) (&& (== net452) (>= netcoreapp1.0)) (== netcoreapp2.1) (&& (== netstandard2.0) (>= netcoreapp1.0))
      Microsoft.NETCore.Platforms (>= 1.1) - restriction: || (&& (== net45) (>= dnxcore50)) (&& (== net452) (>= dnxcore50)) (&& (== net452) (< net45)) (== netcoreapp2.1) (== netstandard2.0)
      Microsoft.NETCore.Targets (>= 1.1) - restriction: || (&& (== net45) (>= dnxcore50)) (&& (== net452) (>= dnxcore50)) (&& (== net452) (< net45)) (== netcoreapp2.1) (== netstandard2.0)
      System.Runtime (>= 4.3) - restriction: || (&& (== net45) (>= dnxcore50)) (&& (== net452) (>= dnxcore50)) (&& (== net452) (< net45)) (== netcoreapp2.1) (== netstandard2.0)
    System.Text.Encoding.Extensions (4.3) - restriction: || (&& (== net45) (>= netcoreapp1.0)) (&& (== net452) (>= netcoreapp1.0)) (== netcoreapp2.1) (&& (== netstandard2.0) (>= netcoreapp1.0))
      Microsoft.NETCore.Platforms (>= 1.1) - restriction: || (&& (== net45) (>= dnxcore50)) (&& (== net452) (>= dnxcore50)) (&& (== net452) (< net45)) (== netcoreapp2.1) (== netstandard2.0)
      Microsoft.NETCore.Targets (>= 1.1) - restriction: || (&& (== net45) (>= dnxcore50)) (&& (== net452) (>= dnxcore50)) (&& (== net452) (< net45)) (== netcoreapp2.1) (== netstandard2.0)
      System.Runtime (>= 4.3) - restriction: || (&& (== net45) (>= dnxcore50)) (&& (== net452) (>= dnxcore50)) (&& (== net452) (< net45)) (== netcoreapp2.1) (== netstandard2.0)
      System.Text.Encoding (>= 4.3) - restriction: || (&& (== net45) (>= dnxcore50)) (&& (== net452) (>= dnxcore50)) (&& (== net452) (< net45)) (== netcoreapp2.1) (== netstandard2.0)
    System.Text.RegularExpressions (4.3) - restriction: || (&& (== net45) (>= netcoreapp1.0)) (&& (== net452) (>= netcoreapp1.0)) (== netcoreapp2.1) (&& (== netstandard2.0) (>= netcoreapp1.0))
      System.Runtime (>= 4.3) - restriction: || (&& (== net45) (>= dnxcore50)) (&& (== net45) (>= netcoreapp1.1)) (&& (== net452) (>= dnxcore50)) (&& (== net452) (< net45)) (&& (== net452) (>= netcoreapp1.1)) (== netcoreapp2.1) (== netstandard2.0)
    System.Threading (4.3) - restriction: || (&& (== net45) (>= netcoreapp1.0)) (&& (== net452) (>= netcoreapp1.0)) (== netcoreapp2.1) (&& (== netstandard2.0) (>= netcoreapp1.0))
      System.Runtime (>= 4.3) - restriction: || (&& (== net45) (>= dnxcore50)) (&& (== net452) (>= dnxcore50)) (&& (== net452) (< net45)) (== netcoreapp2.1) (== netstandard2.0)
      System.Threading.Tasks (>= 4.3) - restriction: || (&& (== net45) (>= dnxcore50)) (&& (== net452) (>= dnxcore50)) (&& (== net452) (< net45)) (== netcoreapp2.1) (== netstandard2.0)
    System.Threading.Tasks (4.3) - restriction: || (&& (== net45) (>= netcoreapp1.0)) (&& (== net452) (>= netcoreapp1.0)) (== netcoreapp2.1) (&& (== netstandard2.0) (>= netcoreapp1.0))
      Microsoft.NETCore.Platforms (>= 1.1) - restriction: || (&& (== net45) (>= dnxcore50)) (&& (== net452) (>= dnxcore50)) (&& (== net452) (< net45)) (== netcoreapp2.1) (== netstandard2.0)
      Microsoft.NETCore.Targets (>= 1.1) - restriction: || (&& (== net45) (>= dnxcore50)) (&& (== net452) (>= dnxcore50)) (&& (== net452) (< net45)) (== netcoreapp2.1) (== netstandard2.0)
      System.Runtime (>= 4.3) - restriction: || (&& (== net45) (>= dnxcore50)) (&& (== net452) (>= dnxcore50)) (&& (== net452) (< net45)) (== netcoreapp2.1) (== netstandard2.0)
    System.Threading.Tasks.Extensions (4.5.1) - restriction: || (&& (== net45) (>= netcoreapp1.0)) (&& (== net452) (>= netcoreapp1.0)) (== netcoreapp2.1) (&& (== netstandard2.0) (>= netcoreapp1.0))
    System.Threading.Thread (4.3) - restriction: || (&& (== net45) (>= netcoreapp1.0)) (&& (== net452) (>= netcoreapp1.0)) (== netcoreapp2.1) (&& (== netstandard2.0) (>= netcoreapp1.0))
      System.Runtime (>= 4.3) - restriction: || (&& (== net45) (>= netstandard1.3)) (&& (== net452) (>= netstandard1.3)) (== netcoreapp2.1) (== netstandard2.0)
    System.Threading.ThreadPool (4.3) - restriction: || (&& (== net45) (>= netcoreapp1.0)) (&& (== net452) (>= netcoreapp1.0)) (== netcoreapp2.1) (&& (== netstandard2.0) (>= netcoreapp1.0))
      System.Runtime (>= 4.3) - restriction: || (&& (== net45) (>= netstandard1.3)) (&& (== net452) (>= netstandard1.3)) (== netcoreapp2.1) (== netstandard2.0)
      System.Runtime.Handles (>= 4.3) - restriction: || (&& (== net45) (>= netstandard1.3)) (&& (== net452) (>= netstandard1.3)) (== netcoreapp2.1) (== netstandard2.0)
    System.Xml.ReaderWriter (4.3.1) - restriction: || (&& (== net45) (>= netcoreapp1.0)) (&& (== net452) (>= netcoreapp1.0)) (== netcoreapp2.1) (&& (== netstandard2.0) (>= netcoreapp1.0))
      System.Collections (>= 4.3) - restriction: || (&& (== net45) (>= dnxcore50)) (&& (== net452) (>= dnxcore50)) (&& (== net452) (< net45) (>= netstandard1.3)) (== netcoreapp2.1) (== netstandard2.0)
      System.Diagnostics.Debug (>= 4.3) - restriction: || (&& (== net45) (>= dnxcore50)) (&& (== net452) (>= dnxcore50)) (&& (== net452) (< net45) (>= netstandard1.3)) (== netcoreapp2.1) (== netstandard2.0)
      System.Globalization (>= 4.3) - restriction: || (&& (== net45) (>= dnxcore50)) (&& (== net452) (>= dnxcore50)) (&& (== net452) (< net45) (>= netstandard1.3)) (== netcoreapp2.1) (== netstandard2.0)
      System.IO (>= 4.3) - restriction: || (&& (== net45) (>= dnxcore50)) (&& (== net452) (>= dnxcore50)) (&& (== net452) (< net45)) (== netcoreapp2.1) (== netstandard2.0)
      System.IO.FileSystem (>= 4.3) - restriction: || (&& (== net45) (>= dnxcore50)) (&& (== net452) (>= dnxcore50)) (&& (== net452) (< net45) (>= netstandard1.3)) (== netcoreapp2.1) (== netstandard2.0)
      System.IO.FileSystem.Primitives (>= 4.3) - restriction: || (&& (== net45) (>= dnxcore50)) (&& (== net452) (>= dnxcore50)) (&& (== net452) (< net45) (>= netstandard1.3)) (== netcoreapp2.1) (== netstandard2.0)
      System.Resources.ResourceManager (>= 4.3) - restriction: || (&& (== net45) (>= dnxcore50)) (&& (== net452) (>= dnxcore50)) (&& (== net452) (< net45) (>= netstandard1.3)) (== netcoreapp2.1) (== netstandard2.0)
      System.Runtime (>= 4.3) - restriction: || (&& (== net45) (>= dnxcore50)) (&& (== net452) (>= dnxcore50)) (&& (== net452) (< net45)) (== netcoreapp2.1) (== netstandard2.0)
      System.Runtime.Extensions (>= 4.3) - restriction: || (&& (== net45) (>= dnxcore50)) (&& (== net452) (>= dnxcore50)) (&& (== net452) (< net45) (>= netstandard1.3)) (== netcoreapp2.1) (== netstandard2.0)
      System.Runtime.InteropServices (>= 4.3) - restriction: || (&& (== net45) (>= dnxcore50)) (&& (== net452) (>= dnxcore50)) (&& (== net452) (< net45) (>= netstandard1.3)) (== netcoreapp2.1) (== netstandard2.0)
      System.Text.Encoding (>= 4.3) - restriction: || (&& (== net45) (>= dnxcore50)) (&& (== net452) (>= dnxcore50)) (&& (== net452) (< net45)) (== netcoreapp2.1) (== netstandard2.0)
      System.Text.Encoding.Extensions (>= 4.3) - restriction: || (&& (== net45) (>= dnxcore50)) (&& (== net452) (>= dnxcore50)) (&& (== net452) (< net45) (>= netstandard1.3)) (== netcoreapp2.1) (== netstandard2.0)
      System.Text.RegularExpressions (>= 4.3) - restriction: || (&& (== net45) (>= dnxcore50)) (&& (== net452) (>= dnxcore50)) (&& (== net452) (< net45) (>= netstandard1.3)) (== netcoreapp2.1) (== netstandard2.0)
      System.Threading.Tasks (>= 4.3) - restriction: || (&& (== net45) (>= dnxcore50)) (&& (== net452) (>= dnxcore50)) (&& (== net452) (< net45)) (== netcoreapp2.1) (== netstandard2.0)
      System.Threading.Tasks.Extensions (>= 4.3) - restriction: || (&& (== net45) (>= dnxcore50)) (&& (== net452) (>= dnxcore50)) (&& (== net452) (< net45) (>= netstandard1.3)) (== netcoreapp2.1) (== netstandard2.0)
    System.Xml.XDocument (4.3) - restriction: || (&& (== net45) (>= netcoreapp1.0)) (&& (== net452) (>= netcoreapp1.0)) (== netcoreapp2.1) (&& (== netstandard2.0) (>= netcoreapp1.0))
      System.Collections (>= 4.3) - restriction: || (&& (== net45) (>= dnxcore50)) (&& (== net452) (>= dnxcore50)) (&& (== net452) (< net45) (>= netstandard1.3)) (== netcoreapp2.1) (== netstandard2.0)
      System.Diagnostics.Debug (>= 4.3) - restriction: || (&& (== net45) (>= dnxcore50)) (&& (== net452) (>= dnxcore50)) (&& (== net452) (< net45) (>= netstandard1.3)) (== netcoreapp2.1) (== netstandard2.0)
      System.Diagnostics.Tools (>= 4.3) - restriction: || (&& (== net45) (>= dnxcore50)) (&& (== net452) (>= dnxcore50)) (&& (== net452) (< net45) (>= netstandard1.3)) (== netcoreapp2.1) (== netstandard2.0)
      System.Globalization (>= 4.3) - restriction: || (&& (== net45) (>= dnxcore50)) (&& (== net452) (>= dnxcore50)) (&& (== net452) (< net45) (>= netstandard1.3)) (== netcoreapp2.1) (== netstandard2.0)
      System.IO (>= 4.3) - restriction: || (&& (== net45) (>= dnxcore50)) (&& (== net452) (>= dnxcore50)) (&& (== net452) (< net45)) (== netcoreapp2.1) (== netstandard2.0)
      System.Reflection (>= 4.3) - restriction: || (&& (== net45) (>= dnxcore50)) (&& (== net452) (>= dnxcore50)) (&& (== net452) (< net45) (>= netstandard1.3)) (== netcoreapp2.1) (== netstandard2.0)
      System.Resources.ResourceManager (>= 4.3) - restriction: || (&& (== net45) (>= dnxcore50)) (&& (== net452) (>= dnxcore50)) (&& (== net452) (< net45) (>= netstandard1.3)) (== netcoreapp2.1) (== netstandard2.0)
      System.Runtime (>= 4.3) - restriction: || (&& (== net45) (>= dnxcore50)) (&& (== net452) (>= dnxcore50)) (&& (== net452) (< net45)) (== netcoreapp2.1) (== netstandard2.0)
      System.Runtime.Extensions (>= 4.3) - restriction: || (&& (== net45) (>= dnxcore50)) (&& (== net452) (>= dnxcore50)) (&& (== net452) (< net45) (>= netstandard1.3)) (== netcoreapp2.1) (== netstandard2.0)
      System.Text.Encoding (>= 4.3) - restriction: || (&& (== net45) (>= dnxcore50)) (&& (== net452) (>= dnxcore50)) (&& (== net452) (< net45) (>= netstandard1.3)) (== netcoreapp2.1) (== netstandard2.0)
      System.Threading (>= 4.3) - restriction: || (&& (== net45) (>= dnxcore50)) (&& (== net452) (>= dnxcore50)) (&& (== net452) (< net45) (>= netstandard1.3)) (== netcoreapp2.1) (== netstandard2.0)
      System.Xml.ReaderWriter (>= 4.3) - restriction: || (&& (== net45) (>= dnxcore50)) (&& (== net452) (>= dnxcore50)) (&& (== net452) (< net45)) (== netcoreapp2.1) (== netstandard2.0)
    System.Xml.XmlDocument (4.3) - restriction: || (&& (== net45) (>= netcoreapp1.0)) (&& (== net452) (>= netcoreapp1.0)) (== netcoreapp2.1) (&& (== netstandard2.0) (>= netcoreapp1.0))
      System.Collections (>= 4.3) - restriction: || (&& (== net45) (>= netstandard1.3)) (&& (== net452) (>= netstandard1.3)) (== netcoreapp2.1) (== netstandard2.0)
      System.Diagnostics.Debug (>= 4.3) - restriction: || (&& (== net45) (>= netstandard1.3)) (&& (== net452) (>= netstandard1.3)) (== netcoreapp2.1) (== netstandard2.0)
      System.Globalization (>= 4.3) - restriction: || (&& (== net45) (>= netstandard1.3)) (&& (== net452) (>= netstandard1.3)) (== netcoreapp2.1) (== netstandard2.0)
      System.IO (>= 4.3) - restriction: || (&& (== net45) (>= netstandard1.3)) (&& (== net452) (>= netstandard1.3)) (== netcoreapp2.1) (== netstandard2.0)
      System.Resources.ResourceManager (>= 4.3) - restriction: || (&& (== net45) (>= netstandard1.3)) (&& (== net452) (>= netstandard1.3)) (== netcoreapp2.1) (== netstandard2.0)
      System.Runtime (>= 4.3) - restriction: || (&& (== net45) (>= netstandard1.3)) (&& (== net452) (>= netstandard1.3)) (== netcoreapp2.1) (== netstandard2.0)
      System.Runtime.Extensions (>= 4.3) - restriction: || (&& (== net45) (>= netstandard1.3)) (&& (== net452) (>= netstandard1.3)) (== netcoreapp2.1) (== netstandard2.0)
      System.Text.Encoding (>= 4.3) - restriction: || (&& (== net45) (>= netstandard1.3)) (&& (== net452) (>= netstandard1.3)) (== netcoreapp2.1) (== netstandard2.0)
      System.Threading (>= 4.3) - restriction: || (&& (== net45) (>= netstandard1.3)) (&& (== net452) (>= netstandard1.3)) (== netcoreapp2.1) (== netstandard2.0)
      System.Xml.ReaderWriter (>= 4.3) - restriction: || (&& (== net45) (>= netstandard1.3)) (&& (== net452) (>= netstandard1.3)) (== netcoreapp2.1) (== netstandard2.0)
    System.Xml.XmlSerializer (4.3) - restriction: || (&& (== net45) (>= netcoreapp1.0)) (&& (== net452) (>= netcoreapp1.0)) (== netcoreapp2.1) (&& (== netstandard2.0) (>= netcoreapp1.0))
      System.Collections (>= 4.3) - restriction: || (&& (== net45) (>= dnxcore50)) (&& (== net452) (>= dnxcore50)) (&& (== net452) (< net45) (>= netstandard1.3)) (== netcoreapp2.1) (== netstandard2.0)
      System.Globalization (>= 4.3) - restriction: || (&& (== net45) (>= dnxcore50)) (&& (== net452) (>= dnxcore50)) (&& (== net452) (< net45) (>= netstandard1.3)) (== netcoreapp2.1) (== netstandard2.0)
      System.IO (>= 4.3) - restriction: || (&& (== net45) (>= dnxcore50)) (&& (== net452) (>= dnxcore50)) (&& (== net452) (< net45)) (== netcoreapp2.1) (== netstandard2.0)
      System.Linq (>= 4.3) - restriction: || (&& (== net45) (>= dnxcore50)) (&& (== net452) (>= dnxcore50)) (&& (== net452) (< net45) (>= netstandard1.3)) (== netcoreapp2.1) (== netstandard2.0)
      System.Reflection (>= 4.3) - restriction: || (&& (== net45) (>= dnxcore50)) (&& (== net452) (>= dnxcore50)) (&& (== net452) (< net45) (>= netstandard1.3)) (== netcoreapp2.1) (== netstandard2.0)
      System.Reflection.Emit (>= 4.3) - restriction: || (&& (== net45) (>= dnxcore50)) (&& (== net452) (>= dnxcore50)) (&& (== net452) (< net45) (>= netstandard1.3)) (== netcoreapp2.1) (== netstandard2.0)
      System.Reflection.Emit.ILGeneration (>= 4.3) - restriction: || (&& (== net45) (>= dnxcore50)) (&& (== net452) (>= dnxcore50)) (&& (== net452) (< net45) (>= netstandard1.3)) (== netcoreapp2.1) (== netstandard2.0)
      System.Reflection.Extensions (>= 4.3) - restriction: || (&& (== net45) (>= dnxcore50)) (&& (== net452) (>= dnxcore50)) (&& (== net452) (< net45) (>= netstandard1.3)) (== netcoreapp2.1) (== netstandard2.0)
      System.Reflection.Primitives (>= 4.3) - restriction: || (&& (== net45) (>= dnxcore50)) (&& (== net452) (>= dnxcore50)) (&& (== net452) (< net45) (>= netstandard1.3)) (== netcoreapp2.1) (== netstandard2.0)
      System.Reflection.TypeExtensions (>= 4.3) - restriction: || (&& (== net45) (>= dnxcore50)) (&& (== net452) (>= dnxcore50)) (&& (== net452) (< net45) (>= netstandard1.3)) (== netcoreapp2.1) (== netstandard2.0)
      System.Resources.ResourceManager (>= 4.3) - restriction: || (&& (== net45) (>= dnxcore50)) (&& (== net452) (>= dnxcore50)) (&& (== net452) (< net45) (>= netstandard1.3)) (== netcoreapp2.1) (== netstandard2.0)
      System.Runtime (>= 4.3) - restriction: || (&& (== net45) (>= dnxcore50)) (&& (== net452) (>= dnxcore50)) (&& (== net452) (< net45)) (== netcoreapp2.1) (== netstandard2.0)
      System.Runtime.Extensions (>= 4.3) - restriction: || (&& (== net45) (>= dnxcore50)) (&& (== net452) (>= dnxcore50)) (&& (== net452) (< net45) (>= netstandard1.3)) (== netcoreapp2.1) (== netstandard2.0)
      System.Text.RegularExpressions (>= 4.3) - restriction: || (&& (== net45) (>= dnxcore50)) (&& (== net452) (>= dnxcore50)) (&& (== net452) (< net45) (>= netstandard1.3)) (== netcoreapp2.1) (== netstandard2.0)
      System.Threading (>= 4.3) - restriction: || (&& (== net45) (>= dnxcore50)) (&& (== net452) (>= dnxcore50)) (&& (== net452) (< net45) (>= netstandard1.3)) (== netcoreapp2.1) (== netstandard2.0)
      System.Xml.ReaderWriter (>= 4.3) - restriction: || (&& (== net45) (>= dnxcore50)) (&& (== net452) (>= dnxcore50)) (&& (== net452) (< net45)) (== netcoreapp2.1) (== netstandard2.0)
      System.Xml.XmlDocument (>= 4.3) - restriction: || (&& (== net45) (>= dnxcore50)) (&& (== net452) (>= dnxcore50)) (&& (== net452) (< net45) (>= netstandard1.3)) (== netcoreapp2.1) (== netstandard2.0)
    System.Xml.XPath (4.3) - restriction: || (&& (== net45) (>= netcoreapp1.0)) (&& (== net452) (>= netcoreapp1.0)) (== netcoreapp2.1) (&& (== netstandard2.0) (>= netcoreapp1.0))
      System.Collections (>= 4.3) - restriction: || (&& (== net45) (>= netstandard1.3)) (&& (== net452) (>= netstandard1.3)) (== netcoreapp2.1) (== netstandard2.0)
      System.Diagnostics.Debug (>= 4.3) - restriction: || (&& (== net45) (>= netstandard1.3)) (&& (== net452) (>= netstandard1.3)) (== netcoreapp2.1) (== netstandard2.0)
      System.Globalization (>= 4.3) - restriction: || (&& (== net45) (>= netstandard1.3)) (&& (== net452) (>= netstandard1.3)) (== netcoreapp2.1) (== netstandard2.0)
      System.IO (>= 4.3) - restriction: || (&& (== net45) (>= netstandard1.3)) (&& (== net452) (>= netstandard1.3)) (== netcoreapp2.1) (== netstandard2.0)
      System.Resources.ResourceManager (>= 4.3) - restriction: || (&& (== net45) (>= netstandard1.3)) (&& (== net452) (>= netstandard1.3)) (== netcoreapp2.1) (== netstandard2.0)
      System.Runtime (>= 4.3) - restriction: || (&& (== net45) (>= netstandard1.3)) (&& (== net452) (>= netstandard1.3)) (== netcoreapp2.1) (== netstandard2.0)
      System.Runtime.Extensions (>= 4.3) - restriction: || (&& (== net45) (>= netstandard1.3)) (&& (== net452) (>= netstandard1.3)) (== netcoreapp2.1) (== netstandard2.0)
      System.Threading (>= 4.3) - restriction: || (&& (== net45) (>= netstandard1.3)) (&& (== net452) (>= netstandard1.3)) (== netcoreapp2.1) (== netstandard2.0)
      System.Xml.ReaderWriter (>= 4.3) - restriction: || (&& (== net45) (>= netstandard1.3)) (&& (== net452) (>= netstandard1.3)) (== netcoreapp2.1) (== netstandard2.0)
    System.Xml.XPath.XmlDocument (4.3) - restriction: || (&& (== net45) (>= netcoreapp1.0)) (&& (== net452) (>= netcoreapp1.0)) (== netcoreapp2.1) (&& (== netstandard2.0) (>= netcoreapp1.0))
      System.Collections (>= 4.3) - restriction: || (&& (== net45) (>= netstandard1.3)) (&& (== net452) (>= netstandard1.3)) (== netcoreapp2.1) (== netstandard2.0)
      System.Globalization (>= 4.3) - restriction: || (&& (== net45) (>= netstandard1.3)) (&& (== net452) (>= netstandard1.3)) (== netcoreapp2.1) (== netstandard2.0)
      System.IO (>= 4.3) - restriction: || (&& (== net45) (>= netstandard1.3)) (&& (== net452) (>= netstandard1.3)) (== netcoreapp2.1) (== netstandard2.0)
      System.Resources.ResourceManager (>= 4.3) - restriction: || (&& (== net45) (>= netstandard1.3)) (&& (== net452) (>= netstandard1.3)) (== netcoreapp2.1) (== netstandard2.0)
      System.Runtime (>= 4.3) - restriction: || (&& (== net45) (>= netstandard1.3)) (&& (== net452) (>= netstandard1.3)) (== netcoreapp2.1) (== netstandard2.0)
      System.Runtime.Extensions (>= 4.3) - restriction: || (&& (== net45) (>= netstandard1.3)) (&& (== net452) (>= netstandard1.3)) (== netcoreapp2.1) (== netstandard2.0)
      System.Threading (>= 4.3) - restriction: || (&& (== net45) (>= netstandard1.3)) (&& (== net452) (>= netstandard1.3)) (== netcoreapp2.1) (== netstandard2.0)
      System.Xml.ReaderWriter (>= 4.3) - restriction: || (&& (== net45) (>= netstandard1.3)) (&& (== net452) (>= netstandard1.3)) (== netcoreapp2.1) (== netstandard2.0)
      System.Xml.XmlDocument (>= 4.3) - restriction: || (&& (== net45) (>= net46)) (&& (== net45) (>= netstandard1.3)) (&& (== net452) (>= net46)) (&& (== net452) (>= netstandard1.3)) (== netcoreapp2.1) (== netstandard2.0)
      System.Xml.XPath (>= 4.3) - restriction: || (&& (== net45) (>= net46)) (&& (== net45) (>= netstandard1.3)) (&& (== net452) (>= net46)) (&& (== net452) (>= netstandard1.3)) (== netcoreapp2.1) (== netstandard2.0)
    Unquote (4.0)
      FSharp.Core (>= 4.2.3) - restriction: || (&& (== net45) (>= netstandard2.0)) (&& (== net452) (>= netstandard2.0)) (== netcoreapp2.1) (== netstandard2.0)
    xunit (2.4)
      xunit.analyzers (>= 0.10)
      xunit.assert (2.4)
      xunit.core (2.4)
    xunit.abstractions (2.0.3)
    xunit.analyzers (0.10)
    xunit.assert (2.4)
      NETStandard.Library (>= 1.6.1) - restriction: || (== net45) (&& (== netcoreapp2.1) (< netstandard2.0))
    xunit.core (2.4)
      xunit.extensibility.core (2.4)
      xunit.extensibility.execution (2.4)
    xunit.extensibility.core (2.4)
      NETStandard.Library (>= 1.6.1) - restriction: || (== net45) (&& (== netcoreapp2.1) (< netstandard2.0))
      xunit.abstractions (>= 2.0.2)
    xunit.extensibility.execution (2.4)
      NETStandard.Library (>= 1.6.1) - restriction: || (== net45) (&& (== netcoreapp2.1) (< netstandard2.0))
      xunit.extensibility.core (2.4)
    xunit.runner.console (2.4)
    xunit.runner.visualstudio (2.4) - version_in_path: false
      Microsoft.NET.Test.Sdk (>= 15.0) - restriction: || (&& (== net45) (>= netcoreapp1.0)) (&& (== net452) (>= netcoreapp1.0)) (== netcoreapp2.1) (&& (== netstandard2.0) (>= netcoreapp1.0))

GROUP FakeBuild
STORAGE: NONE
RESTRICTION: == netstandard2.0
NUGET
  remote: https://api.nuget.org/v3/index.json
    BlackFox.VsWhere (0.3.1)
      FSharp.Core (>= 4.2.3)
    Chessie (0.6)
      FSharp.Core (>= 4.0.1.7-alpha)
      NETStandard.Library (>= 1.6)
    Fake.Api.GitHub (5.9.3)
      FSharp.Core (>= 4.3.4)
      Octokit (>= 0.32)
    Fake.Core.CommandLineParsing (5.9.3)
      FParsec (>= 1.0.3)
      FSharp.Core (>= 4.3.4)
    Fake.Core.Context (5.9.3)
      FSharp.Core (>= 4.3.4)
    Fake.Core.Environment (5.9.3)
      FSharp.Core (>= 4.3.4)
    Fake.Core.FakeVar (5.9.3)
      Fake.Core.Context (>= 5.9.3)
      FSharp.Core (>= 4.3.4)
    Fake.Core.Process (5.9.3)
      Fake.Core.Environment (>= 5.9.3)
      Fake.Core.FakeVar (>= 5.9.3)
      Fake.Core.String (>= 5.9.3)
      Fake.Core.Trace (>= 5.9.3)
      Fake.IO.FileSystem (>= 5.9.3)
      FSharp.Core (>= 4.3.4)
      System.Diagnostics.Process (>= 4.3)
    Fake.Core.ReleaseNotes (5.9.3)
      Fake.Core.SemVer (>= 5.9.3)
      Fake.Core.String (>= 5.9.3)
      FSharp.Core (>= 4.3.4)
    Fake.Core.SemVer (5.9.3)
      FSharp.Core (>= 4.3.4)
      System.Runtime.Numerics (>= 4.3)
    Fake.Core.String (5.9.3)
      FSharp.Core (>= 4.3.4)
    Fake.Core.Target (5.9.3)
      Fake.Core.CommandLineParsing (>= 5.9.3)
      Fake.Core.Context (>= 5.9.3)
      Fake.Core.Environment (>= 5.9.3)
      Fake.Core.FakeVar (>= 5.9.3)
      Fake.Core.Process (>= 5.9.3)
      Fake.Core.String (>= 5.9.3)
      Fake.Core.Trace (>= 5.9.3)
      FSharp.Control.Reactive (>= 4.1)
      FSharp.Core (>= 4.3.4)
      System.Reactive.Compatibility (>= 4.1.2)
    Fake.Core.Trace (5.9.3)
      Fake.Core.Environment (>= 5.9.3)
      Fake.Core.FakeVar (>= 5.9.3)
      FSharp.Core (>= 4.3.4)
    Fake.DotNet.AssemblyInfoFile (5.9.3)
      Fake.Core.Environment (>= 5.9.3)
      Fake.Core.String (>= 5.9.3)
      Fake.Core.Trace (>= 5.9.3)
      Fake.IO.FileSystem (>= 5.9.3)
      FSharp.Core (>= 4.3.4)
    Fake.DotNet.Cli (5.9.3)
      Fake.Core.Environment (>= 5.9.3)
      Fake.Core.Process (>= 5.9.3)
      Fake.Core.String (>= 5.9.3)
      Fake.Core.Trace (>= 5.9.3)
      Fake.DotNet.MSBuild (>= 5.9.3)
      Fake.IO.FileSystem (>= 5.9.3)
      FSharp.Core (>= 4.3.4)
      Newtonsoft.Json (>= 11.0.2)
    Fake.DotNet.MSBuild (5.9.3)
      BlackFox.VsWhere (>= 0.3.1)
      Fake.Core.Environment (>= 5.9.3)
      Fake.Core.Process (>= 5.9.3)
      Fake.Core.String (>= 5.9.3)
      Fake.Core.Trace (>= 5.9.3)
      Fake.IO.FileSystem (>= 5.9.3)
      FSharp.Core (>= 4.3.4)
      MSBuild.StructuredLogger (>= 2.0.11)
    Fake.DotNet.Paket (5.9.3)
      Fake.Core.Process (>= 5.9.3)
      Fake.Core.String (>= 5.9.3)
      Fake.Core.Trace (>= 5.9.3)
      Fake.IO.FileSystem (>= 5.9.3)
      FSharp.Core (>= 4.3.4)
    Fake.DotNet.Testing.NUnit (5.9.3)
      Fake.Core.Environment (>= 5.9.3)
      Fake.Core.Process (>= 5.9.3)
      Fake.Core.String (>= 5.9.3)
      Fake.Core.Trace (>= 5.9.3)
      Fake.IO.FileSystem (>= 5.9.3)
      Fake.Testing.Common (>= 5.9.3)
      FSharp.Core (>= 4.3.4)
      System.Linq.Parallel (>= 4.3)
      System.Xml.XDocument (>= 4.3)
    Fake.DotNet.Testing.XUnit2 (5.9.3)
      Fake.Core.Process (>= 5.9.3)
      Fake.Core.String (>= 5.9.3)
      Fake.Core.Trace (>= 5.9.3)
      Fake.IO.FileSystem (>= 5.9.3)
      Fake.Testing.Common (>= 5.9.3)
      FSharp.Core (>= 4.3.4)
    Fake.IO.FileSystem (5.9.3)
      Fake.Core.String (>= 5.9.3)
      FSharp.Core (>= 4.3.4)
      System.Diagnostics.FileVersionInfo (>= 4.3)
      System.IO.FileSystem.Watcher (>= 4.3)
    Fake.Testing.Common (5.9.3)
      Fake.Core.Trace (>= 5.9.3)
      FSharp.Core (>= 4.3.4)
    Fake.Tools.Git (5.9.3)
      Fake.Core.Environment (>= 5.9.3)
      Fake.Core.Process (>= 5.9.3)
      Fake.Core.SemVer (>= 5.9.3)
      Fake.Core.String (>= 5.9.3)
      Fake.Core.Trace (>= 5.9.3)
      Fake.IO.FileSystem (>= 5.9.3)
      FSharp.Core (>= 4.3.4)
    FParsec (1.0.3)
      FSharp.Core (>= 4.2.3)
      NETStandard.Library (>= 1.6.1)
    FSharp.Control.Reactive (4.1)
      FSharp.Core (>= 4.2.3)
      System.Reactive (>= 4.0)
    FSharp.Core (4.5.2)
    Microsoft.Build (15.8.166)
      Microsoft.Build.Framework (>= 15.8.166)
      Microsoft.Win32.Registry (>= 4.3)
      System.Collections.Immutable (>= 1.5)
      System.Diagnostics.TraceSource (>= 4.0)
      System.IO.Compression (>= 4.3)
      System.Reflection.Metadata (>= 1.6)
      System.Reflection.TypeExtensions (>= 4.1)
      System.Runtime.InteropServices.RuntimeInformation (>= 4.3)
      System.Runtime.Loader (>= 4.0)
      System.Text.Encoding.CodePages (>= 4.0.1)
      System.Threading.Tasks.Dataflow (>= 4.6)
    Microsoft.Build.Framework (15.8.166)
      System.Runtime.Serialization.Primitives (>= 4.1.1)
      System.Threading.Thread (>= 4.0)
    Microsoft.Build.Tasks.Core (15.8.166)
      Microsoft.Build.Framework (>= 15.8.166)
      Microsoft.Build.Utilities.Core (>= 15.8.166)
      Microsoft.Win32.Registry (>= 4.3)
      System.CodeDom (>= 4.4)
      System.Collections.Immutable (>= 1.5)
      System.Linq.Parallel (>= 4.0.1)
      System.Net.Http (>= 4.3)
      System.Reflection.Metadata (>= 1.6)
      System.Reflection.TypeExtensions (>= 4.1)
      System.Resources.Writer (>= 4.0)
      System.Threading.Tasks.Dataflow (>= 4.6)
    Microsoft.Build.Utilities.Core (15.8.166)
      Microsoft.Build.Framework (>= 15.8.166)
      Microsoft.Win32.Registry (>= 4.3)
      System.Collections.Immutable (>= 1.5)
      System.Runtime.InteropServices.RuntimeInformation (>= 4.3)
      System.Text.Encoding.CodePages (>= 4.4)
    Microsoft.NETCore.Platforms (2.1.1)
    Microsoft.NETCore.Targets (2.1)
    Microsoft.Win32.Primitives (4.3)
      Microsoft.NETCore.Platforms (>= 1.1)
      Microsoft.NETCore.Targets (>= 1.1)
      System.Runtime (>= 4.3)
    Microsoft.Win32.Registry (4.5)
      System.Buffers (>= 4.4)
      System.Memory (>= 4.5)
      System.Security.AccessControl (>= 4.5)
      System.Security.Principal.Windows (>= 4.5)
    Mono.Cecil (0.10.1)
      System.Collections (>= 4.0.11)
      System.IO.FileSystem (>= 4.0.1)
      System.IO.FileSystem.Primitives (>= 4.0.1)
      System.Reflection (>= 4.1)
      System.Runtime.Extensions (>= 4.1)
      System.Security.Cryptography.Algorithms (>= 4.2)
      System.Security.Cryptography.Csp (>= 4.0)
      System.Threading (>= 4.0.11)
    MSBuild.StructuredLogger (2.0.11)
      Microsoft.Build (>= 15.8.166)
      Microsoft.Build.Framework (>= 15.8.166)
      Microsoft.Build.Tasks.Core (>= 15.8.166)
      Microsoft.Build.Utilities.Core (>= 15.8.166)
    NETStandard.Library (2.0.3)
      Microsoft.NETCore.Platforms (>= 1.1)
    Newtonsoft.Json (11.0.2)
    NUnit.ConsoleRunner (3.9)
    Octokit (0.32)
      NETStandard.Library (>= 1.6)
    Paket.Core (5.181.1)
      Chessie (>= 0.6)
      Mono.Cecil (>= 0.10.0-beta6)
      Newtonsoft.Json (>= 10.0.3)
      System.Net.Http.WinHttpHandler (>= 4.5)
      System.Security.Cryptography.ProtectedData (>= 4.4)
    runtime.debian.8-x64.runtime.native.System.Security.Cryptography.OpenSsl (4.3.3)
    runtime.debian.9-x64.runtime.native.System.Security.Cryptography.OpenSsl (4.3.3)
    runtime.fedora.23-x64.runtime.native.System.Security.Cryptography.OpenSsl (4.3.3)
    runtime.fedora.24-x64.runtime.native.System.Security.Cryptography.OpenSsl (4.3.3)
    runtime.fedora.27-x64.runtime.native.System.Security.Cryptography.OpenSsl (4.3.3)
    runtime.fedora.28-x64.runtime.native.System.Security.Cryptography.OpenSsl (4.3.3)
    runtime.native.System (4.3.1)
      Microsoft.NETCore.Platforms (>= 1.1.1)
      Microsoft.NETCore.Targets (>= 1.1.3)
    runtime.native.System.IO.Compression (4.3.2)
      Microsoft.NETCore.Platforms (>= 1.1.1)
      Microsoft.NETCore.Targets (>= 1.1.3)
    runtime.native.System.Net.Http (4.3.1)
      Microsoft.NETCore.Platforms (>= 1.1.1)
      Microsoft.NETCore.Targets (>= 1.1.3)
    runtime.native.System.Security.Cryptography.Apple (4.3.1)
      runtime.osx.10.10-x64.runtime.native.System.Security.Cryptography.Apple (>= 4.3.1)
    runtime.native.System.Security.Cryptography.OpenSsl (4.3.3)
      runtime.debian.8-x64.runtime.native.System.Security.Cryptography.OpenSsl (>= 4.3.3)
      runtime.debian.9-x64.runtime.native.System.Security.Cryptography.OpenSsl (>= 4.3.3)
      runtime.fedora.23-x64.runtime.native.System.Security.Cryptography.OpenSsl (>= 4.3.3)
      runtime.fedora.24-x64.runtime.native.System.Security.Cryptography.OpenSsl (>= 4.3.3)
      runtime.fedora.27-x64.runtime.native.System.Security.Cryptography.OpenSsl (>= 4.3.3)
      runtime.fedora.28-x64.runtime.native.System.Security.Cryptography.OpenSsl (>= 4.3.3)
      runtime.opensuse.13.2-x64.runtime.native.System.Security.Cryptography.OpenSsl (>= 4.3.3)
      runtime.opensuse.42.1-x64.runtime.native.System.Security.Cryptography.OpenSsl (>= 4.3.3)
      runtime.opensuse.42.3-x64.runtime.native.System.Security.Cryptography.OpenSsl (>= 4.3.3)
      runtime.osx.10.10-x64.runtime.native.System.Security.Cryptography.OpenSsl (>= 4.3.3)
      runtime.rhel.7-x64.runtime.native.System.Security.Cryptography.OpenSsl (>= 4.3.3)
      runtime.ubuntu.14.04-x64.runtime.native.System.Security.Cryptography.OpenSsl (>= 4.3.3)
      runtime.ubuntu.16.04-x64.runtime.native.System.Security.Cryptography.OpenSsl (>= 4.3.3)
      runtime.ubuntu.16.10-x64.runtime.native.System.Security.Cryptography.OpenSsl (>= 4.3.3)
      runtime.ubuntu.18.04-x64.runtime.native.System.Security.Cryptography.OpenSsl (>= 4.3.3)
    runtime.opensuse.13.2-x64.runtime.native.System.Security.Cryptography.OpenSsl (4.3.3)
    runtime.opensuse.42.1-x64.runtime.native.System.Security.Cryptography.OpenSsl (4.3.3)
    runtime.opensuse.42.3-x64.runtime.native.System.Security.Cryptography.OpenSsl (4.3.3)
    runtime.osx.10.10-x64.runtime.native.System.Security.Cryptography.Apple (4.3.1)
    runtime.osx.10.10-x64.runtime.native.System.Security.Cryptography.OpenSsl (4.3.3)
    runtime.rhel.7-x64.runtime.native.System.Security.Cryptography.OpenSsl (4.3.3)
    runtime.ubuntu.14.04-x64.runtime.native.System.Security.Cryptography.OpenSsl (4.3.3)
    runtime.ubuntu.16.04-x64.runtime.native.System.Security.Cryptography.OpenSsl (4.3.3)
    runtime.ubuntu.16.10-x64.runtime.native.System.Security.Cryptography.OpenSsl (4.3.3)
    runtime.ubuntu.18.04-x64.runtime.native.System.Security.Cryptography.OpenSsl (4.3.3)
    System.Buffers (4.5)
    System.CodeDom (4.5)
    System.Collections (4.3)
      Microsoft.NETCore.Platforms (>= 1.1)
      Microsoft.NETCore.Targets (>= 1.1)
      System.Runtime (>= 4.3)
    System.Collections.Concurrent (4.3)
      System.Collections (>= 4.3)
      System.Diagnostics.Debug (>= 4.3)
      System.Diagnostics.Tracing (>= 4.3)
      System.Globalization (>= 4.3)
      System.Reflection (>= 4.3)
      System.Resources.ResourceManager (>= 4.3)
      System.Runtime (>= 4.3)
      System.Runtime.Extensions (>= 4.3)
      System.Threading (>= 4.3)
      System.Threading.Tasks (>= 4.3)
    System.Collections.Immutable (1.5)
    System.Diagnostics.Debug (4.3)
      Microsoft.NETCore.Platforms (>= 1.1)
      Microsoft.NETCore.Targets (>= 1.1)
      System.Runtime (>= 4.3)
    System.Diagnostics.DiagnosticSource (4.5.1)
    System.Diagnostics.FileVersionInfo (4.3)
      Microsoft.NETCore.Platforms (>= 1.1)
      System.Globalization (>= 4.3)
      System.IO (>= 4.3)
      System.IO.FileSystem (>= 4.3)
      System.IO.FileSystem.Primitives (>= 4.3)
      System.Reflection.Metadata (>= 1.4.1)
      System.Runtime (>= 4.3)
      System.Runtime.Extensions (>= 4.3)
      System.Runtime.InteropServices (>= 4.3)
    System.Diagnostics.Process (4.3)
      Microsoft.NETCore.Platforms (>= 1.1)
      Microsoft.Win32.Primitives (>= 4.3)
      Microsoft.Win32.Registry (>= 4.3)
      runtime.native.System (>= 4.3)
      System.Collections (>= 4.3)
      System.Diagnostics.Debug (>= 4.3)
      System.Globalization (>= 4.3)
      System.IO (>= 4.3)
      System.IO.FileSystem (>= 4.3)
      System.IO.FileSystem.Primitives (>= 4.3)
      System.Resources.ResourceManager (>= 4.3)
      System.Runtime (>= 4.3)
      System.Runtime.Extensions (>= 4.3)
      System.Runtime.Handles (>= 4.3)
      System.Runtime.InteropServices (>= 4.3)
      System.Text.Encoding (>= 4.3)
      System.Text.Encoding.Extensions (>= 4.3)
      System.Threading (>= 4.3)
      System.Threading.Tasks (>= 4.3)
      System.Threading.Thread (>= 4.3)
      System.Threading.ThreadPool (>= 4.3)
    System.Diagnostics.Tools (4.3)
      Microsoft.NETCore.Platforms (>= 1.1)
      Microsoft.NETCore.Targets (>= 1.1)
      System.Runtime (>= 4.3)
    System.Diagnostics.TraceSource (4.3)
      Microsoft.NETCore.Platforms (>= 1.1)
      runtime.native.System (>= 4.3)
      System.Collections (>= 4.3)
      System.Diagnostics.Debug (>= 4.3)
      System.Globalization (>= 4.3)
      System.Resources.ResourceManager (>= 4.3)
      System.Runtime (>= 4.3)
      System.Runtime.Extensions (>= 4.3)
      System.Threading (>= 4.3)
    System.Diagnostics.Tracing (4.3)
      Microsoft.NETCore.Platforms (>= 1.1)
      Microsoft.NETCore.Targets (>= 1.1)
      System.Runtime (>= 4.3)
    System.Globalization (4.3)
      Microsoft.NETCore.Platforms (>= 1.1)
      Microsoft.NETCore.Targets (>= 1.1)
      System.Runtime (>= 4.3)
    System.Globalization.Calendars (4.3)
      Microsoft.NETCore.Platforms (>= 1.1)
      Microsoft.NETCore.Targets (>= 1.1)
      System.Globalization (>= 4.3)
      System.Runtime (>= 4.3)
    System.Globalization.Extensions (4.3)
      Microsoft.NETCore.Platforms (>= 1.1)
      System.Globalization (>= 4.3)
      System.Resources.ResourceManager (>= 4.3)
      System.Runtime (>= 4.3)
      System.Runtime.Extensions (>= 4.3)
      System.Runtime.InteropServices (>= 4.3)
    System.IO (4.3)
      Microsoft.NETCore.Platforms (>= 1.1)
      Microsoft.NETCore.Targets (>= 1.1)
      System.Runtime (>= 4.3)
      System.Text.Encoding (>= 4.3)
      System.Threading.Tasks (>= 4.3)
    System.IO.Compression (4.3)
      Microsoft.NETCore.Platforms (>= 1.1)
      runtime.native.System (>= 4.3)
      runtime.native.System.IO.Compression (>= 4.3)
      System.Buffers (>= 4.3)
      System.Collections (>= 4.3)
      System.Diagnostics.Debug (>= 4.3)
      System.IO (>= 4.3)
      System.Resources.ResourceManager (>= 4.3)
      System.Runtime (>= 4.3)
      System.Runtime.Extensions (>= 4.3)
      System.Runtime.Handles (>= 4.3)
      System.Runtime.InteropServices (>= 4.3)
      System.Text.Encoding (>= 4.3)
      System.Threading (>= 4.3)
      System.Threading.Tasks (>= 4.3)
    System.IO.FileSystem (4.3)
      Microsoft.NETCore.Platforms (>= 1.1)
      Microsoft.NETCore.Targets (>= 1.1)
      System.IO (>= 4.3)
      System.IO.FileSystem.Primitives (>= 4.3)
      System.Runtime (>= 4.3)
      System.Runtime.Handles (>= 4.3)
      System.Text.Encoding (>= 4.3)
      System.Threading.Tasks (>= 4.3)
    System.IO.FileSystem.Primitives (4.3)
      System.Runtime (>= 4.3)
    System.IO.FileSystem.Watcher (4.3)
      Microsoft.NETCore.Platforms (>= 1.1)
      Microsoft.Win32.Primitives (>= 4.3)
      runtime.native.System (>= 4.3)
      System.Collections (>= 4.3)
      System.IO.FileSystem (>= 4.3)
      System.IO.FileSystem.Primitives (>= 4.3)
      System.Resources.ResourceManager (>= 4.3)
      System.Runtime (>= 4.3)
      System.Runtime.Extensions (>= 4.3)
      System.Runtime.Handles (>= 4.3)
      System.Runtime.InteropServices (>= 4.3)
      System.Text.Encoding (>= 4.3)
      System.Threading (>= 4.3)
      System.Threading.Overlapped (>= 4.3)
      System.Threading.Tasks (>= 4.3)
      System.Threading.Thread (>= 4.3)
    System.Linq (4.3)
      System.Collections (>= 4.3)
      System.Diagnostics.Debug (>= 4.3)
      System.Resources.ResourceManager (>= 4.3)
      System.Runtime (>= 4.3)
      System.Runtime.Extensions (>= 4.3)
    System.Linq.Parallel (4.3)
      System.Collections (>= 4.3)
      System.Collections.Concurrent (>= 4.3)
      System.Diagnostics.Debug (>= 4.3)
      System.Diagnostics.Tracing (>= 4.3)
      System.Linq (>= 4.3)
      System.Resources.ResourceManager (>= 4.3)
      System.Runtime (>= 4.3)
      System.Runtime.Extensions (>= 4.3)
      System.Threading (>= 4.3)
      System.Threading.Tasks (>= 4.3)
    System.Memory (4.5.1)
      System.Buffers (>= 4.4)
      System.Numerics.Vectors (>= 4.4)
      System.Runtime.CompilerServices.Unsafe (>= 4.5)
    System.Net.Http (4.3.4)
      Microsoft.NETCore.Platforms (>= 1.1.1)
      runtime.native.System (>= 4.3)
      runtime.native.System.Net.Http (>= 4.3)
      runtime.native.System.Security.Cryptography.OpenSsl (>= 4.3.2)
      System.Collections (>= 4.3)
      System.Diagnostics.Debug (>= 4.3)
      System.Diagnostics.DiagnosticSource (>= 4.3)
      System.Diagnostics.Tracing (>= 4.3)
      System.Globalization (>= 4.3)
      System.Globalization.Extensions (>= 4.3)
      System.IO (>= 4.3)
      System.IO.FileSystem (>= 4.3)
      System.Net.Primitives (>= 4.3)
      System.Resources.ResourceManager (>= 4.3)
      System.Runtime (>= 4.3)
      System.Runtime.Extensions (>= 4.3)
      System.Runtime.Handles (>= 4.3)
      System.Runtime.InteropServices (>= 4.3)
      System.Security.Cryptography.Algorithms (>= 4.3)
      System.Security.Cryptography.Encoding (>= 4.3)
      System.Security.Cryptography.OpenSsl (>= 4.3)
      System.Security.Cryptography.Primitives (>= 4.3)
      System.Security.Cryptography.X509Certificates (>= 4.3)
      System.Text.Encoding (>= 4.3)
      System.Threading (>= 4.3)
      System.Threading.Tasks (>= 4.3)
    System.Net.Http.WinHttpHandler (4.5.1)
      System.Buffers (>= 4.4)
      System.Memory (>= 4.5.1)
    System.Net.Primitives (4.3)
      Microsoft.NETCore.Platforms (>= 1.1)
      Microsoft.NETCore.Targets (>= 1.1)
      System.Runtime (>= 4.3)
      System.Runtime.Handles (>= 4.3)
    System.Numerics.Vectors (4.5)
    System.Reactive (4.1.2)
      System.Runtime.InteropServices.WindowsRuntime (>= 4.3)
      System.Threading.Tasks.Extensions (>= 4.5.1)
    System.Reactive.Compatibility (4.1.2)
      System.Reactive.Core (>= 4.1.2)
      System.Reactive.Interfaces (>= 4.1.2)
      System.Reactive.Linq (>= 4.1.2)
      System.Reactive.PlatformServices (>= 4.1.2)
      System.Reactive.Providers (>= 4.1.2)
    System.Reactive.Core (4.1.2)
      System.Reactive (>= 4.1.2)
      System.Threading.Tasks.Extensions (>= 4.5.1)
    System.Reactive.Interfaces (4.1.2)
      System.Reactive (>= 4.1.2)
      System.Threading.Tasks.Extensions (>= 4.5.1)
    System.Reactive.Linq (4.1.2)
      System.Reactive (>= 4.1.2)
      System.Threading.Tasks.Extensions (>= 4.5.1)
    System.Reactive.PlatformServices (4.1.2)
      System.Reactive (>= 4.1.2)
      System.Threading.Tasks.Extensions (>= 4.5.1)
    System.Reactive.Providers (4.1.2)
      System.Reactive (>= 4.1.2)
      System.Threading.Tasks.Extensions (>= 4.5.1)
    System.Reflection (4.3)
      Microsoft.NETCore.Platforms (>= 1.1)
      Microsoft.NETCore.Targets (>= 1.1)
      System.IO (>= 4.3)
      System.Reflection.Primitives (>= 4.3)
      System.Runtime (>= 4.3)
    System.Reflection.Extensions (4.3)
      Microsoft.NETCore.Platforms (>= 1.1)
      Microsoft.NETCore.Targets (>= 1.1)
      System.Reflection (>= 4.3)
      System.Runtime (>= 4.3)
    System.Reflection.Metadata (1.6)
      System.Collections.Immutable (>= 1.5)
    System.Reflection.Primitives (4.3)
      Microsoft.NETCore.Platforms (>= 1.1)
      Microsoft.NETCore.Targets (>= 1.1)
      System.Runtime (>= 4.3)
    System.Reflection.TypeExtensions (4.5.1)
    System.Resources.ResourceManager (4.3)
      Microsoft.NETCore.Platforms (>= 1.1)
      Microsoft.NETCore.Targets (>= 1.1)
      System.Globalization (>= 4.3)
      System.Reflection (>= 4.3)
      System.Runtime (>= 4.3)
    System.Resources.Writer (4.3)
      System.Collections (>= 4.3)
      System.IO (>= 4.3)
      System.Resources.ResourceManager (>= 4.3)
      System.Runtime (>= 4.3)
      System.Runtime.Extensions (>= 4.3)
      System.Text.Encoding (>= 4.3)
    System.Runtime (4.3)
      Microsoft.NETCore.Platforms (>= 1.1)
      Microsoft.NETCore.Targets (>= 1.1)
    System.Runtime.CompilerServices.Unsafe (4.5.2)
    System.Runtime.Extensions (4.3)
      Microsoft.NETCore.Platforms (>= 1.1)
      Microsoft.NETCore.Targets (>= 1.1)
      System.Runtime (>= 4.3)
    System.Runtime.Handles (4.3)
      Microsoft.NETCore.Platforms (>= 1.1)
      Microsoft.NETCore.Targets (>= 1.1)
      System.Runtime (>= 4.3)
    System.Runtime.InteropServices (4.3)
      Microsoft.NETCore.Platforms (>= 1.1)
      Microsoft.NETCore.Targets (>= 1.1)
      System.Reflection (>= 4.3)
      System.Reflection.Primitives (>= 4.3)
      System.Runtime (>= 4.3)
      System.Runtime.Handles (>= 4.3)
    System.Runtime.InteropServices.RuntimeInformation (4.3)
      runtime.native.System (>= 4.3)
      System.Reflection (>= 4.3)
      System.Reflection.Extensions (>= 4.3)
      System.Resources.ResourceManager (>= 4.3)
      System.Runtime (>= 4.3)
      System.Runtime.InteropServices (>= 4.3)
      System.Threading (>= 4.3)
    System.Runtime.InteropServices.WindowsRuntime (4.3)
      System.Runtime (>= 4.3)
    System.Runtime.Loader (4.3)
      System.IO (>= 4.3)
      System.Reflection (>= 4.3)
      System.Runtime (>= 4.3)
    System.Runtime.Numerics (4.3)
      System.Globalization (>= 4.3)
      System.Resources.ResourceManager (>= 4.3)
      System.Runtime (>= 4.3)
      System.Runtime.Extensions (>= 4.3)
    System.Runtime.Serialization.Primitives (4.3)
      System.Resources.ResourceManager (>= 4.3)
      System.Runtime (>= 4.3)
    System.Security.AccessControl (4.5)
      System.Security.Principal.Windows (>= 4.5)
    System.Security.Cryptography.Algorithms (4.3.1)
      Microsoft.NETCore.Platforms (>= 1.1)
      runtime.native.System.Security.Cryptography.Apple (>= 4.3.1)
      runtime.native.System.Security.Cryptography.OpenSsl (>= 4.3.2)
      System.Collections (>= 4.3)
      System.IO (>= 4.3)
      System.Resources.ResourceManager (>= 4.3)
      System.Runtime (>= 4.3)
      System.Runtime.Extensions (>= 4.3)
      System.Runtime.Handles (>= 4.3)
      System.Runtime.InteropServices (>= 4.3)
      System.Runtime.Numerics (>= 4.3)
      System.Security.Cryptography.Encoding (>= 4.3)
      System.Security.Cryptography.Primitives (>= 4.3)
      System.Text.Encoding (>= 4.3)
    System.Security.Cryptography.Cng (4.5)
    System.Security.Cryptography.Csp (4.3)
      Microsoft.NETCore.Platforms (>= 1.1)
      System.IO (>= 4.3)
      System.Reflection (>= 4.3)
      System.Resources.ResourceManager (>= 4.3)
      System.Runtime (>= 4.3)
      System.Runtime.Extensions (>= 4.3)
      System.Runtime.Handles (>= 4.3)
      System.Runtime.InteropServices (>= 4.3)
      System.Security.Cryptography.Algorithms (>= 4.3)
      System.Security.Cryptography.Encoding (>= 4.3)
      System.Security.Cryptography.Primitives (>= 4.3)
      System.Text.Encoding (>= 4.3)
      System.Threading (>= 4.3)
    System.Security.Cryptography.Encoding (4.3)
      Microsoft.NETCore.Platforms (>= 1.1)
      runtime.native.System.Security.Cryptography.OpenSsl (>= 4.3)
      System.Collections (>= 4.3)
      System.Collections.Concurrent (>= 4.3)
      System.Linq (>= 4.3)
      System.Resources.ResourceManager (>= 4.3)
      System.Runtime (>= 4.3)
      System.Runtime.Extensions (>= 4.3)
      System.Runtime.Handles (>= 4.3)
      System.Runtime.InteropServices (>= 4.3)
      System.Security.Cryptography.Primitives (>= 4.3)
      System.Text.Encoding (>= 4.3)
    System.Security.Cryptography.OpenSsl (4.5)
    System.Security.Cryptography.Primitives (4.3)
      System.Diagnostics.Debug (>= 4.3)
      System.Globalization (>= 4.3)
      System.IO (>= 4.3)
      System.Resources.ResourceManager (>= 4.3)
      System.Runtime (>= 4.3)
      System.Threading (>= 4.3)
      System.Threading.Tasks (>= 4.3)
    System.Security.Cryptography.ProtectedData (4.5)
      System.Memory (>= 4.5)
    System.Security.Cryptography.X509Certificates (4.3.2)
      Microsoft.NETCore.Platforms (>= 1.1)
      runtime.native.System (>= 4.3)
      runtime.native.System.Net.Http (>= 4.3)
      runtime.native.System.Security.Cryptography.OpenSsl (>= 4.3.2)
      System.Collections (>= 4.3)
      System.Diagnostics.Debug (>= 4.3)
      System.Globalization (>= 4.3)
      System.Globalization.Calendars (>= 4.3)
      System.IO (>= 4.3)
      System.IO.FileSystem (>= 4.3)
      System.IO.FileSystem.Primitives (>= 4.3)
      System.Resources.ResourceManager (>= 4.3)
      System.Runtime (>= 4.3)
      System.Runtime.Extensions (>= 4.3)
      System.Runtime.Handles (>= 4.3)
      System.Runtime.InteropServices (>= 4.3)
      System.Runtime.Numerics (>= 4.3)
      System.Security.Cryptography.Algorithms (>= 4.3)
      System.Security.Cryptography.Cng (>= 4.3)
      System.Security.Cryptography.Csp (>= 4.3)
      System.Security.Cryptography.Encoding (>= 4.3)
      System.Security.Cryptography.OpenSsl (>= 4.3)
      System.Security.Cryptography.Primitives (>= 4.3)
      System.Text.Encoding (>= 4.3)
      System.Threading (>= 4.3)
    System.Security.Principal.Windows (4.5.1)
    System.Text.Encoding (4.3)
      Microsoft.NETCore.Platforms (>= 1.1)
      Microsoft.NETCore.Targets (>= 1.1)
      System.Runtime (>= 4.3)
    System.Text.Encoding.CodePages (4.5)
      System.Runtime.CompilerServices.Unsafe (>= 4.5)
    System.Text.Encoding.Extensions (4.3)
      Microsoft.NETCore.Platforms (>= 1.1)
      Microsoft.NETCore.Targets (>= 1.1)
      System.Runtime (>= 4.3)
      System.Text.Encoding (>= 4.3)
    System.Text.RegularExpressions (4.3)
      System.Collections (>= 4.3)
      System.Globalization (>= 4.3)
      System.Resources.ResourceManager (>= 4.3)
      System.Runtime (>= 4.3)
      System.Runtime.Extensions (>= 4.3)
      System.Threading (>= 4.3)
    System.Threading (4.3)
      System.Runtime (>= 4.3)
      System.Threading.Tasks (>= 4.3)
    System.Threading.Overlapped (4.3)
      Microsoft.NETCore.Platforms (>= 1.1)
      System.Resources.ResourceManager (>= 4.3)
      System.Runtime (>= 4.3)
      System.Runtime.Handles (>= 4.3)
    System.Threading.Tasks (4.3)
      Microsoft.NETCore.Platforms (>= 1.1)
      Microsoft.NETCore.Targets (>= 1.1)
      System.Runtime (>= 4.3)
    System.Threading.Tasks.Dataflow (4.9)
    System.Threading.Tasks.Extensions (4.5.1)
      System.Runtime.CompilerServices.Unsafe (>= 4.5)
    System.Threading.Thread (4.3)
      System.Runtime (>= 4.3)
    System.Threading.ThreadPool (4.3)
      System.Runtime (>= 4.3)
      System.Runtime.Handles (>= 4.3)
    System.Xml.ReaderWriter (4.3.1)
      System.Collections (>= 4.3)
      System.Diagnostics.Debug (>= 4.3)
      System.Globalization (>= 4.3)
      System.IO (>= 4.3)
      System.IO.FileSystem (>= 4.3)
      System.IO.FileSystem.Primitives (>= 4.3)
      System.Resources.ResourceManager (>= 4.3)
      System.Runtime (>= 4.3)
      System.Runtime.Extensions (>= 4.3)
      System.Runtime.InteropServices (>= 4.3)
      System.Text.Encoding (>= 4.3)
      System.Text.Encoding.Extensions (>= 4.3)
      System.Text.RegularExpressions (>= 4.3)
      System.Threading.Tasks (>= 4.3)
      System.Threading.Tasks.Extensions (>= 4.3)
    System.Xml.XDocument (4.3)
      System.Collections (>= 4.3)
      System.Diagnostics.Debug (>= 4.3)
      System.Diagnostics.Tools (>= 4.3)
      System.Globalization (>= 4.3)
      System.IO (>= 4.3)
      System.Reflection (>= 4.3)
      System.Resources.ResourceManager (>= 4.3)
      System.Runtime (>= 4.3)
      System.Runtime.Extensions (>= 4.3)
      System.Text.Encoding (>= 4.3)
      System.Threading (>= 4.3)
      System.Xml.ReaderWriter (>= 4.3)
    xunit.runner.console (2.4)
